{
  "aor": 0.0008326315789473685,
  "aqi": 0.00994877442105263,
  "bids_meta": {
    "AcquisitionDateTime": "2015-08-07T16:05:34.930000",
    "AcquisitionMatrixPE": 64,
    "AcquisitionNumber": 1,
    "AcquisitionTime": "16:05:34.930000",
    "BandwidthPerPixelPhaseEncode": 63.776,
    "BaseResolution": 64,
    "BodyPartExamined": "BRAIN",
    "ConsistencyInfo": "N4_VD13D_LATEST_20130810",
    "ConversionSoftware": "dcm2niix",
    "ConversionSoftwareVersion": "v1.0.20181114  (JP2:OpenJPEG) GCC4.8.4",
    "DerivedVendorReportedEchoSpacing": 0.000489996,
    "Description": "Participants view short blocks of scrambled, scene or object images. The purpose of this task is to enable localization of scene and object-category selective visual cortex. These image types are labeled in the Type column for the events",
    "DeviceSerialNumber": "67025",
    "DwellTime": 3.1e-06,
    "EchoTime": 0.025,
    "EchoTrainLength": 32,
    "EffectiveEchoSpacing": 0.000244998,
    "FlipAngle": 90,
    "ImageOrientationPatientDICOM": [
      0.999589,
      0.0285662,
      -0.0025675,
      -0.0278193,
      0.943872,
      -0.329138
    ],
    "ImageType": [
      "ORIGINAL",
      "PRIMARY",
      "M",
      "ND",
      "NORM",
      "MOSAIC"
    ],
    "ImagingFrequency": 123.225,
    "InPlanePhaseEncodingDirectionDICOM": "COL",
    "InstitutionAddress": "McClintock_3520A_Los_Angeles_SVC0e0594213b1104_CA_US_90089",
    "InstitutionName": "USC",
    "InstitutionalDepartmentName": "Department",
    "MRAcquisitionType": "2D",
    "MagneticFieldStrength": 3,
    "Manufacturer": "Siemens",
    "ManufacturersModelName": "Prisma_fit",
    "Modality": "MR",
    "ParallelReductionFactorInPlane": 2,
    "PartialFourier": 1,
    "PatientID": "15.08.07-15:49:33-DST-1.3.12.2.1107.5.2.43.67025",
    "PatientPosition": "HFS",
    "PatientSex": "M",
    "PatientWeight": 77.1107,
    "PercentPhaseFOV": 100,
    "PhaseEncodingDirection": "j-",
    "PhaseEncodingSteps": 64,
    "PhaseResolution": 1,
    "PixelBandwidth": 2520,
    "ProcedureStepDescription": "Mara_David",
    "ProtocolName": "frmi-sensory",
    "PulseSequenceDetails": "%SiemensSeq%_ep2d_pace",
    "ReceiveCoilActiveElements": "HEA;HEP",
    "ReceiveCoilName": "Head_32",
    "ReconMatrixPE": 64,
    "RepetitionTime": 2,
    "SAR": 0.0949456,
    "ScanOptions": "FS",
    "ScanningSequence": "EP",
    "SequenceName": "_epfid2d1_64",
    "SequenceVariant": "SK",
    "SeriesDescription": "frmi-sensory",
    "SeriesInstanceUID": "1.3.12.2.1107.5.2.43.67025.2015080716044835314973028.0.0.0",
    "SeriesNumber": 5,
    "ShimSetting": [
      -7813,
      -10330,
      11740,
      337,
      -7,
      29,
      118,
      -5
    ],
    "SliceThickness": 3,
    "SliceTiming": [
      0,
      1.0125,
      0.0475,
      1.0625,
      0.095,
      1.11,
      0.145,
      1.1575,
      0.1925,
      1.2075,
      0.24,
      1.255,
      0.29,
      1.3025,
      0.3375,
      1.3525,
      0.385,
      1.4,
      0.435,
      1.4475,
      0.4825,
      1.4975,
      0.53,
      1.545,
      0.58,
      1.5925,
      0.6275,
      1.64,
      0.675,
      1.69,
      0.7225,
      1.7375,
      0.7725,
      1.785,
      0.82,
      1.835,
      0.8675,
      1.8825,
      0.9175,
      1.93,
      0.965
    ],
    "SoftwareVersions": "syngo_MR_D13D",
    "SpacingBetweenSlices": 3,
    "StationName": "MRC35039",
    "StudyID": "1",
    "StudyInstanceUID": "1.3.12.2.1107.5.2.43.67025.30000015080716050546600000010",
    "TaskName": "PPA/LOC functional Localizer",
    "TotalReadoutTime": 0.0154349,
    "TxRefAmp": 239.954,
    "dataset": "ds002011",
    "modality": "bold",
    "subject_id": "16",
    "task_id": "ppalocalizer"
  },
  "dummy_trs": 0,
  "dvars_nstd": 25.699521362433863,
  "dvars_std": 1.2897259980423277,
  "dvars_vstd": 1.0089529415873013,
  "efc": 0.58779882522604,
  "fber": 1713.72314453125,
  "fd_mean": 0.09482409445605064,
  "fd_num": 10,
  "fd_perc": 5.2631578947368425,
  "fwhm_avg": 1.5552755555555555,
  "fwhm_x": 1.4556633333333335,
  "fwhm_y": 1.64943,
  "fwhm_z": 1.5607333333333333,
  "gcor": 0.0514285,
  "gsr_x": -0.0003854001988656819,
  "gsr_y": 0.02805900014936924,
  "provenance": {
    "md5sum": "498a7b0dac269133e0a20ebfc05ba56c",
    "settings": {
      "fd_thres": 0.2,
      "testing": false
    },
    "software": "mriqc",
    "version": "22.0.6",
    "webapi_port": null,
    "webapi_url": "https://mriqc.nimh.nih.gov/api/v1"
  },
  "size_t": 190,
  "size_x": 64,
  "size_y": 64,
  "size_z": 41,
  "snr": 8.18505768216455,
  "spacing_tr": 2.0,
  "spacing_x": 3.0,
  "spacing_y": 3.0,
  "spacing_z": 3.0,
  "summary_bg_k": 13.5363707844514,
  "summary_bg_mad": 7.288160572874438,
  "summary_bg_mean": 27.29127311706543,
  "summary_bg_median": 9.542105674743652,
  "summary_bg_n": 90178.0,
  "summary_bg_p05": 3.7947371006011963,
  "summary_bg_p95": 113.60000610351562,
  "summary_bg_stdv": 43.287723541259766,
  "summary_fg_k": 2.7348379594774226,
  "summary_fg_mad": 50.072935327492544,
  "summary_fg_mean": 412.37835693359375,
  "summary_fg_median": 412.65264892578125,
  "summary_fg_n": 40603.0,
  "summary_fg_p05": 339.35948791503904,
  "summary_fg_p95": 491.98369750976565,
  "summary_fg_stdv": 50.41474151611328,
  "tsnr": 66.16799457510933
}