{
  "aor": 0.001153015873015873,
  "aqi": 0.007882310476190478,
  "bids_meta": {
    "AcquisitionDateTime": "2015-07-14T13:10:12.812500",
    "AcquisitionMatrixPE": 64,
    "AcquisitionNumber": 1,
    "AcquisitionTime": "13:10:12.812500",
    "BandwidthPerPixelPhaseEncode": 63.776,
    "BaseResolution": 64,
    "BodyPartExamined": "BRAIN",
    "ConsistencyInfo": "N4_VD13D_LATEST_20130810",
    "ConversionSoftware": "dcm2niix",
    "ConversionSoftwareVersion": "v1.0.20181114  (JP2:OpenJPEG) GCC4.8.4",
    "DerivedVendorReportedEchoSpacing": 0.000489996,
    "Description": "Participants view short blocks of scrambled, scene or object images. The purpose of this task is to enable localization of scene and object-category selective visual cortex. These image types are labeled in the Type column for the events",
    "DeviceSerialNumber": "67025",
    "DwellTime": 3.1e-06,
    "EchoTime": 0.025,
    "EchoTrainLength": 32,
    "EffectiveEchoSpacing": 0.000244998,
    "FlipAngle": 90,
    "ImageOrientationPatientDICOM": [
      0.999667,
      0.0113657,
      -0.0231713,
      -0.0145587,
      0.989665,
      -0.142658
    ],
    "ImageType": [
      "ORIGINAL",
      "PRIMARY",
      "M",
      "ND",
      "NORM",
      "MOSAIC"
    ],
    "ImagingFrequency": 123.225,
    "InPlanePhaseEncodingDirectionDICOM": "ROW",
    "InstitutionAddress": "McClintock_3520A_Los_Angeles_SVC0e0594213b1104_CA_US_90089",
    "InstitutionName": "USC",
    "InstitutionalDepartmentName": "Department",
    "MRAcquisitionType": "2D",
    "MagneticFieldStrength": 3,
    "Manufacturer": "Siemens",
    "ManufacturersModelName": "Prisma_fit",
    "Modality": "MR",
    "ParallelReductionFactorInPlane": 2,
    "PartialFourier": 1,
    "PatientID": "15.07.14-12:51:11-DST-1.3.12.2.1107.5.2.43.67025",
    "PatientPosition": "HFS",
    "PatientSex": "M",
    "PatientWeight": 58.967,
    "PercentPhaseFOV": 100,
    "PhaseEncodingDirection": "i-",
    "PhaseEncodingSteps": 64,
    "PhaseResolution": 1,
    "PixelBandwidth": 2520,
    "ProcedureStepDescription": "Mara_David",
    "ProtocolName": "frmi-localizer",
    "PulseSequenceDetails": "%SiemensSeq%_ep2d_pace",
    "ReceiveCoilActiveElements": "HEA;HEP",
    "ReceiveCoilName": "Head_32",
    "ReconMatrixPE": 64,
    "RepetitionTime": 2,
    "SAR": 0.138622,
    "ScanOptions": "FS",
    "ScanningSequence": "EP",
    "SequenceName": "_epfid2d1_64",
    "SequenceVariant": "SK",
    "SeriesDescription": "frmi-localizer",
    "SeriesInstanceUID": "1.3.12.2.1107.5.2.43.67025.201507141310003207110213.0.0.0",
    "SeriesNumber": 6,
    "ShimSetting": [
      -7791,
      -10329,
      11774,
      424,
      49,
      81,
      106,
      20
    ],
    "SliceThickness": 3,
    "SliceTiming": [
      0,
      1.0125,
      0.0475,
      1.0625,
      0.095,
      1.11,
      0.145,
      1.1575,
      0.1925,
      1.2075,
      0.24,
      1.255,
      0.29,
      1.3025,
      0.3375,
      1.3525,
      0.385,
      1.4,
      0.435,
      1.4475,
      0.4825,
      1.4975,
      0.53,
      1.545,
      0.58,
      1.5925,
      0.6275,
      1.64,
      0.675,
      1.69,
      0.7225,
      1.7375,
      0.7725,
      1.785,
      0.82,
      1.835,
      0.8675,
      1.8825,
      0.9175,
      1.93,
      0.965
    ],
    "SoftwareVersions": "syngo_MR_D13D",
    "SpacingBetweenSlices": 3,
    "StationName": "MRC35039",
    "StudyID": "1",
    "StudyInstanceUID": "1.3.12.2.1107.5.2.43.67025.30000015071415225623500000013",
    "TaskName": "PPA/LOC functional Localizer",
    "TotalReadoutTime": 0.0154349,
    "TxRefAmp": 242.806,
    "dataset": "ds002011",
    "modality": "bold",
    "subject_id": "02",
    "task_id": "ppalocalizer"
  },
  "dummy_trs": 1,
  "dvars_nstd": 21.678188313882988,
  "dvars_std": 1.2192546693085102,
  "dvars_vstd": 1.016185058829788,
  "efc": 0.6115879248129682,
  "fber": 1619.0245361328125,
  "fd_mean": 0.06935289501773165,
  "fd_num": 3,
  "fd_perc": 1.5873015873015872,
  "fwhm_avg": 1.5195566666666664,
  "fwhm_x": 1.43743,
  "fwhm_y": 1.5767366666666665,
  "fwhm_z": 1.5445033333333333,
  "gcor": 0.0298937,
  "gsr_x": 0.01680869422852993,
  "gsr_y": 0.039208050817251205,
  "provenance": {
    "md5sum": "02a21b6b72bf85311402888fda650543",
    "settings": {
      "fd_thres": 0.2,
      "testing": false
    },
    "software": "mriqc",
    "version": "22.0.6",
    "webapi_port": null,
    "webapi_url": "https://mriqc.nimh.nih.gov/api/v1"
  },
  "size_t": 189,
  "size_x": 64,
  "size_y": 64,
  "size_z": 41,
  "snr": 8.357253704071901,
  "spacing_tr": 2.0,
  "spacing_x": 3.0,
  "spacing_y": 3.0,
  "spacing_z": 3.0,
  "summary_bg_k": 10.411353976061987,
  "summary_bg_mad": 7.122765907049633,
  "summary_bg_mean": 31.447031021118164,
  "summary_bg_median": 10.08465576171875,
  "summary_bg_n": 85975.0,
  "summary_bg_p05": 4.074073791503906,
  "summary_bg_p95": 150.00686798095705,
  "summary_bg_stdv": 51.7537727355957,
  "summary_fg_k": 2.5526587207534455,
  "summary_fg_mad": 49.804448951619364,
  "summary_fg_mean": 410.759521484375,
  "summary_fg_median": 409.6666564941406,
  "summary_fg_n": 44255.0,
  "summary_fg_p05": 340.8677062988281,
  "summary_fg_p95": 487.215850830078,
  "summary_fg_stdv": 49.01873779296875,
  "tsnr": 74.20638294005767
}