{
  "aor": 0.004606473684210526,
  "aqi": 0.01613198042105263,
  "bids_meta": {
    "AcquisitionDateTime": "2015-09-16T18:10:33.380000",
    "AcquisitionMatrixPE": 64,
    "AcquisitionNumber": 1,
    "AcquisitionTime": "18:10:33.380000",
    "BandwidthPerPixelPhaseEncode": 63.776,
    "BaseResolution": 64,
    "BodyPartExamined": "BRAIN",
    "ConsistencyInfo": "N4_VD13D_LATEST_20130810",
    "ConversionSoftware": "dcm2niix",
    "ConversionSoftwareVersion": "v1.0.20181114  (JP2:OpenJPEG) GCC4.8.4",
    "DerivedVendorReportedEchoSpacing": 0.000489996,
    "Description": "Participants view short blocks of scrambled, scene or object images. The purpose of this task is to enable localization of scene and object-category selective visual cortex. These image types are labeled in the Type column for the events",
    "DeviceSerialNumber": "67025",
    "DwellTime": 3.1e-06,
    "EchoTime": 0.025,
    "EchoTrainLength": 32,
    "EffectiveEchoSpacing": 0.000244998,
    "FlipAngle": 90,
    "ImageOrientationPatientDICOM": [
      0.999954,
      0.00706094,
      -0.0064155,
      -0.00877529,
      0.944586,
      -0.328146
    ],
    "ImageType": [
      "ORIGINAL",
      "PRIMARY",
      "M",
      "ND",
      "NORM",
      "MOSAIC"
    ],
    "ImagingFrequency": 123.225,
    "InPlanePhaseEncodingDirectionDICOM": "ROW",
    "InstitutionAddress": "McClintock_3520A_Los_Angeles_SVC0e0594213b1104_CA_US_90089",
    "InstitutionName": "USC",
    "InstitutionalDepartmentName": "Department",
    "MRAcquisitionType": "2D",
    "MagneticFieldStrength": 3,
    "Manufacturer": "Siemens",
    "ManufacturersModelName": "Prisma_fit",
    "Modality": "MR",
    "ParallelReductionFactorInPlane": 2,
    "PartialFourier": 1,
    "PatientID": "15.09.16-17:57:01-DST-1.3.12.2.1107.5.2.43.67025",
    "PatientPosition": "HFS",
    "PatientSex": "F",
    "PatientWeight": 54.4311,
    "PercentPhaseFOV": 100,
    "PhaseEncodingDirection": "i-",
    "PhaseEncodingSteps": 64,
    "PhaseResolution": 1,
    "PixelBandwidth": 2520,
    "ProcedureStepDescription": "Mara_David",
    "ProtocolName": "frmi-sensory",
    "PulseSequenceDetails": "%SiemensSeq%_ep2d_pace",
    "ReceiveCoilActiveElements": "HEA;HEP",
    "ReceiveCoilName": "Head_32",
    "ReconMatrixPE": 64,
    "RepetitionTime": 2,
    "SAR": 0.107548,
    "ScanOptions": "FS",
    "ScanningSequence": "EP",
    "SequenceName": "_epfid2d1_64",
    "SequenceVariant": "SK",
    "SeriesDescription": "frmi-sensory",
    "SeriesInstanceUID": "1.3.12.2.1107.5.2.43.67025.2015091618085114371806959.0.0.0",
    "SeriesNumber": 6,
    "ShimSetting": [
      -7822,
      -10330,
      11843,
      466,
      -45,
      47,
      140,
      -23
    ],
    "SliceThickness": 3,
    "SliceTiming": [
      0,
      1.015,
      0.05,
      1.0625,
      0.0975,
      1.1125,
      0.145,
      1.16,
      0.195,
      1.2075,
      0.2425,
      1.255,
      0.29,
      1.305,
      0.3375,
      1.3525,
      0.3875,
      1.4,
      0.435,
      1.45,
      0.4825,
      1.4975,
      0.5325,
      1.545,
      0.58,
      1.595,
      0.6275,
      1.6425,
      0.6775,
      1.69,
      0.725,
      1.74,
      0.7725,
      1.7875,
      0.8225,
      1.835,
      0.87,
      1.885,
      0.9175,
      1.9325,
      0.9675
    ],
    "SoftwareVersions": "syngo_MR_D13D",
    "SpacingBetweenSlices": 3,
    "StationName": "MRC35039",
    "StudyID": "1",
    "StudyInstanceUID": "1.3.12.2.1107.5.2.43.67025.30000015091615502634700000014",
    "TaskName": "PPA/LOC functional Localizer",
    "TotalReadoutTime": 0.0154349,
    "TxRefAmp": 221.642,
    "dataset": "ds002011",
    "modality": "bold",
    "subject_id": "19",
    "task_id": "ppalocalizer"
  },
  "dummy_trs": 0,
  "dvars_nstd": 26.05176550275133,
  "dvars_std": 1.2984751868783069,
  "dvars_vstd": 1.019427239312169,
  "efc": 0.5721572012115418,
  "fber": 1872.751953125,
  "fd_mean": 0.10707065540699809,
  "fd_num": 20,
  "fd_perc": 10.526315789473685,
  "fwhm_avg": 1.4786611111111112,
  "fwhm_x": 1.4073133333333334,
  "fwhm_y": 1.5037866666666666,
  "fwhm_z": 1.5248833333333334,
  "gcor": 0.0322856,
  "gsr_x": 0.008281124755740166,
  "gsr_y": 0.016647251322865486,
  "provenance": {
    "md5sum": "ff167506a449d9c2222cf7388736a1ff",
    "settings": {
      "fd_thres": 0.2,
      "testing": false
    },
    "software": "mriqc",
    "version": "22.0.6",
    "webapi_port": null,
    "webapi_url": "https://mriqc.nimh.nih.gov/api/v1"
  },
  "size_t": 190,
  "size_x": 64,
  "size_y": 64,
  "size_z": 41,
  "snr": 9.130808200927188,
  "spacing_tr": 2.0,
  "spacing_x": 3.0,
  "spacing_y": 3.0,
  "spacing_z": 3.0,
  "summary_bg_k": 22.406181001741132,
  "summary_bg_mad": 6.976033566780681,
  "summary_bg_mean": 22.52564811706543,
  "summary_bg_median": 10.005263328552246,
  "summary_bg_n": 90585.0,
  "summary_bg_p05": 3.9052634239196777,
  "summary_bg_p95": 87.85158538818361,
  "summary_bg_stdv": 36.1230354309082,
  "summary_fg_k": 1.817805844153912,
  "summary_fg_mad": 49.3081970860014,
  "summary_fg_mean": 432.0762939453125,
  "summary_fg_median": 431.6894836425781,
  "summary_fg_n": 40241.0,
  "summary_fg_p05": 362.47369384765625,
  "summary_fg_p95": 506.0473937988281,
  "summary_fg_stdv": 47.27775573730469,
  "tsnr": 60.03878253372386
}