{
  "aor": 0.0008513684210526315,
  "aqi": 0.007757436157894737,
  "bids_meta": {
    "AcquisitionDateTime": "2015-07-29T11:03:57.880000",
    "AcquisitionMatrixPE": 64,
    "AcquisitionNumber": 1,
    "AcquisitionTime": "11:03:57.880000",
    "BandwidthPerPixelPhaseEncode": 63.776,
    "BaseResolution": 64,
    "BodyPartExamined": "BRAIN",
    "ConsistencyInfo": "N4_VD13D_LATEST_20130810",
    "ConversionSoftware": "dcm2niix",
    "ConversionSoftwareVersion": "v1.0.20181114  (JP2:OpenJPEG) GCC4.8.4",
    "DerivedVendorReportedEchoSpacing": 0.000489996,
    "Description": "Participants view short blocks of scrambled, scene or object images. The purpose of this task is to enable localization of scene and object-category selective visual cortex. These image types are labeled in the Type column for the events",
    "DeviceSerialNumber": "67025",
    "DwellTime": 3.1e-06,
    "EchoTime": 0.025,
    "EchoTrainLength": 32,
    "EffectiveEchoSpacing": 0.000244998,
    "FlipAngle": 90,
    "ImageOrientationPatientDICOM": [
      0.999562,
      0.0164862,
      -0.0245913,
      -0.0199039,
      0.989093,
      -0.145938
    ],
    "ImageType": [
      "ORIGINAL",
      "PRIMARY",
      "M",
      "ND",
      "NORM",
      "MOSAIC"
    ],
    "ImagingFrequency": 123.225,
    "InPlanePhaseEncodingDirectionDICOM": "ROW",
    "InstitutionAddress": "McClintock_3520A_Los_Angeles_SVC0e0594213b1104_CA_US_90089",
    "InstitutionName": "USC",
    "InstitutionalDepartmentName": "Department",
    "MRAcquisitionType": "2D",
    "MagneticFieldStrength": 3,
    "Manufacturer": "Siemens",
    "ManufacturersModelName": "Prisma_fit",
    "Modality": "MR",
    "ParallelReductionFactorInPlane": 2,
    "PartialFourier": 1,
    "PatientID": "15.07.29-10:42:44-DST-1.3.12.2.1107.5.2.43.67025",
    "PatientPosition": "HFS",
    "PatientSex": "F",
    "PatientWeight": 55.3383,
    "PercentPhaseFOV": 100,
    "PhaseEncodingDirection": "i-",
    "PhaseEncodingSteps": 64,
    "PhaseResolution": 1,
    "PixelBandwidth": 2520,
    "ProcedureStepDescription": "Mara_David",
    "ProtocolName": "frmi-localizering",
    "PulseSequenceDetails": "%SiemensSeq%_ep2d_pace",
    "ReceiveCoilActiveElements": "HEA;HEP",
    "ReceiveCoilName": "Head_32",
    "ReconMatrixPE": 64,
    "RepetitionTime": 2,
    "SAR": 0.115038,
    "ScanOptions": "FS",
    "ScanningSequence": "EP",
    "SequenceName": "_epfid2d1_64",
    "SequenceVariant": "SK",
    "SeriesDescription": "frmi-localizering",
    "SeriesInstanceUID": "1.3.12.2.1107.5.2.43.67025.2015072911023912964438810.0.0.0",
    "SeriesNumber": 6,
    "ShimSetting": [
      -7807,
      -10348,
      11734,
      385,
      4,
      -51,
      57,
      -32
    ],
    "SliceThickness": 3,
    "SliceTiming": [
      0,
      1.0125,
      0.0475,
      1.0625,
      0.095,
      1.11,
      0.145,
      1.1575,
      0.1925,
      1.2075,
      0.24,
      1.255,
      0.29,
      1.3025,
      0.3375,
      1.3525,
      0.385,
      1.4,
      0.435,
      1.4475,
      0.4825,
      1.4975,
      0.53,
      1.545,
      0.58,
      1.5925,
      0.6275,
      1.64,
      0.675,
      1.69,
      0.7225,
      1.7375,
      0.7725,
      1.785,
      0.82,
      1.835,
      0.8675,
      1.8825,
      0.9175,
      1.93,
      0.965
    ],
    "SoftwareVersions": "syngo_MR_D13D",
    "SpacingBetweenSlices": 3,
    "StationName": "MRC35039",
    "StudyID": "1",
    "StudyInstanceUID": "1.3.12.2.1107.5.2.43.67025.30000015072915444157400000004",
    "TaskName": "PPA/LOC functional Localizer",
    "TotalReadoutTime": 0.0154349,
    "TxRefAmp": 233.569,
    "dataset": "ds002011",
    "modality": "bold",
    "subject_id": "09",
    "task_id": "ppalocalizer"
  },
  "dummy_trs": 0,
  "dvars_nstd": 23.554718814497352,
  "dvars_std": 1.2188816336507933,
  "dvars_vstd": 1.0054853742857146,
  "efc": 0.5797732604763286,
  "fber": 1640.1383056640625,
  "fd_mean": 0.06155075061233049,
  "fd_num": 3,
  "fd_perc": 1.5789473684210527,
  "fwhm_avg": 1.6547622222222225,
  "fwhm_x": 1.5804266666666666,
  "fwhm_y": 1.7210433333333333,
  "fwhm_z": 1.6628166666666668,
  "gcor": 0.0356261,
  "gsr_x": 0.0032405781093984842,
  "gsr_y": 0.020420031622052193,
  "provenance": {
    "md5sum": "028a07efcc4d48d9789eede801706f16",
    "settings": {
      "fd_thres": 0.2,
      "testing": false
    },
    "software": "mriqc",
    "version": "22.0.6",
    "webapi_port": null,
    "webapi_url": "https://mriqc.nimh.nih.gov/api/v1"
  },
  "size_t": 190,
  "size_x": 64,
  "size_y": 64,
  "size_z": 41,
  "snr": 7.615782262885545,
  "spacing_tr": 2.0,
  "spacing_x": 3.0,
  "spacing_y": 3.0,
  "spacing_z": 3.0,
  "summary_bg_k": 27.32748838823792,
  "summary_bg_mad": 6.336173416376429,
  "summary_bg_mean": 20.394468307495117,
  "summary_bg_median": 9.473684310913086,
  "summary_bg_n": 88958.0,
  "summary_bg_p05": 3.984210729598999,
  "summary_bg_p95": 70.70000457763672,
  "summary_bg_stdv": 32.83687973022461,
  "summary_fg_k": 1.3600109465425865,
  "summary_fg_mad": 49.40968258331915,
  "summary_fg_mean": 390.3952331542969,
  "summary_fg_median": 389.3894958496094,
  "summary_fg_n": 41864.0,
  "summary_fg_p05": 312.4318557739258,
  "summary_fg_p95": 473.6623901367187,
  "summary_fg_stdv": 51.1286735534668,
  "tsnr": 70.5877099186182
}