{
  "aor": 0.004797368421052632,
  "aqi": 0.011727652368421052,
  "bids_meta": {
    "AcquisitionDateTime": "2015-09-17T10:12:31.380000",
    "AcquisitionMatrixPE": 64,
    "AcquisitionNumber": 1,
    "AcquisitionTime": "10:12:31.380000",
    "BandwidthPerPixelPhaseEncode": 63.776,
    "BaseResolution": 64,
    "BodyPartExamined": "BRAIN",
    "ConsistencyInfo": "N4_VD13D_LATEST_20130810",
    "ConversionSoftware": "dcm2niix",
    "ConversionSoftwareVersion": "v1.0.20181114  (JP2:OpenJPEG) GCC4.8.4",
    "DerivedVendorReportedEchoSpacing": 0.000489996,
    "Description": "Participants view short blocks of scrambled, scene or object images. The purpose of this task is to enable localization of scene and object-category selective visual cortex. These image types are labeled in the Type column for the events",
    "DeviceSerialNumber": "67025",
    "DwellTime": 3.1e-06,
    "EchoTime": 0.025,
    "EchoTrainLength": 32,
    "EffectiveEchoSpacing": 0.000244998,
    "FlipAngle": 90,
    "ImageOrientationPatientDICOM": [
      0.998335,
      -0.0387655,
      -0.0427232,
      0.0222226,
      0.941846,
      -0.33531
    ],
    "ImageType": [
      "ORIGINAL",
      "PRIMARY",
      "M",
      "ND",
      "NORM",
      "MOSAIC"
    ],
    "ImagingFrequency": 123.225,
    "InPlanePhaseEncodingDirectionDICOM": "COL",
    "InstitutionAddress": "McClintock_3520A_Los_Angeles_SVC0e0594213b1104_CA_US_90089",
    "InstitutionName": "USC",
    "InstitutionalDepartmentName": "Department",
    "MRAcquisitionType": "2D",
    "MagneticFieldStrength": 3,
    "Manufacturer": "Siemens",
    "ManufacturersModelName": "Prisma_fit",
    "Modality": "MR",
    "ParallelReductionFactorInPlane": 2,
    "PartialFourier": 1,
    "PatientID": "15.09.17-09:47:16-DST-1.3.12.2.1107.5.2.43.67025",
    "PatientPosition": "HFS",
    "PatientSex": "F",
    "PatientWeight": 63.5029,
    "PercentPhaseFOV": 100,
    "PhaseEncodingDirection": "j-",
    "PhaseEncodingSteps": 64,
    "PhaseResolution": 1,
    "PixelBandwidth": 2520,
    "ProcedureStepDescription": "Mara_David",
    "ProtocolName": "frmi-sensory",
    "PulseSequenceDetails": "%SiemensSeq%_ep2d_pace",
    "ReceiveCoilActiveElements": "HEA;HEP",
    "ReceiveCoilName": "Head_32",
    "ReconMatrixPE": 64,
    "RepetitionTime": 2,
    "SAR": 0.144896,
    "ScanOptions": "FS",
    "ScanningSequence": "EP",
    "SequenceName": "_epfid2d1_64",
    "SequenceVariant": "SK",
    "SeriesDescription": "frmi-sensory",
    "SeriesInstanceUID": "1.3.12.2.1107.5.2.43.67025.2015091710120785812238605.0.0.0",
    "SeriesNumber": 5,
    "ShimSetting": [
      -7854,
      -10253,
      11609,
      426,
      -113,
      361,
      -49,
      84
    ],
    "SliceThickness": 3,
    "SliceTiming": [
      0,
      1.015,
      0.0475,
      1.0625,
      0.0975,
      1.11,
      0.145,
      1.1575,
      0.1925,
      1.2075,
      0.24,
      1.255,
      0.29,
      1.3025,
      0.3375,
      1.3525,
      0.385,
      1.4,
      0.435,
      1.4475,
      0.4825,
      1.4975,
      0.53,
      1.545,
      0.58,
      1.5925,
      0.6275,
      1.6425,
      0.675,
      1.69,
      0.725,
      1.7375,
      0.7725,
      1.7875,
      0.82,
      1.835,
      0.87,
      1.8825,
      0.9175,
      1.9325,
      0.965
    ],
    "SoftwareVersions": "syngo_MR_D13D",
    "SpacingBetweenSlices": 3,
    "StationName": "MRC35039",
    "StudyID": "1",
    "StudyInstanceUID": "1.3.12.2.1107.5.2.43.67025.30000015091715581254100000004",
    "TaskName": "PPA/LOC functional Localizer",
    "TotalReadoutTime": 0.0154349,
    "TxRefAmp": 254.936,
    "dataset": "ds002011",
    "modality": "bold",
    "subject_id": "20",
    "task_id": "ppalocalizer"
  },
  "dummy_trs": 0,
  "dvars_nstd": 23.296304571693124,
  "dvars_std": 1.1824363661375665,
  "dvars_vstd": 1.0315486399470906,
  "efc": 0.5755553044646187,
  "fber": 1384.4337158203125,
  "fd_mean": 0.09081623374642382,
  "fd_num": 13,
  "fd_perc": 6.842105263157895,
  "fwhm_avg": 1.559,
  "fwhm_x": 1.4601433333333331,
  "fwhm_y": 1.6604533333333331,
  "fwhm_z": 1.5564033333333331,
  "gcor": 0.0509169,
  "gsr_x": 0.0060664075426757336,
  "gsr_y": 0.028172479942440987,
  "provenance": {
    "md5sum": "41593a980478a0363e982ac53b62bb78",
    "settings": {
      "fd_thres": 0.2,
      "testing": false
    },
    "software": "mriqc",
    "version": "22.0.6",
    "webapi_port": null,
    "webapi_url": "https://mriqc.nimh.nih.gov/api/v1"
  },
  "size_t": 190,
  "size_x": 64,
  "size_y": 64,
  "size_z": 41,
  "snr": 8.907464038096107,
  "spacing_tr": 2.0,
  "spacing_x": 3.0,
  "spacing_y": 3.0,
  "spacing_z": 3.0,
  "summary_bg_k": 15.974915603836564,
  "summary_bg_mad": 8.98144813166542,
  "summary_bg_mean": 27.79022789001465,
  "summary_bg_median": 11.189474105834961,
  "summary_bg_n": 93407.0,
  "summary_bg_p05": 4.352631568908691,
  "summary_bg_p95": 113.03527069091795,
  "summary_bg_stdv": 44.12857437133789,
  "summary_fg_k": 3.8465506952048942,
  "summary_fg_mad": 44.69655673196138,
  "summary_fg_mean": 440.5494079589844,
  "summary_fg_median": 440.46844482421875,
  "summary_fg_n": 37800.0,
  "summary_fg_p05": 366.99976654052733,
  "summary_fg_p95": 518.0953125,
  "summary_fg_stdv": 49.44871139526367,
  "tsnr": 64.0835434505716
}