{
  "aor": 0.001196421052631579,
  "aqi": 0.01349964742105263,
  "bids_meta": {
    "AcquisitionDateTime": "2015-08-11T13:13:50.867500",
    "AcquisitionMatrixPE": 64,
    "AcquisitionNumber": 1,
    "AcquisitionTime": "13:13:50.867500",
    "BandwidthPerPixelPhaseEncode": 63.776,
    "BaseResolution": 64,
    "BodyPartExamined": "BRAIN",
    "ConsistencyInfo": "N4_VD13D_LATEST_20130810",
    "ConversionSoftware": "dcm2niix",
    "ConversionSoftwareVersion": "v1.0.20181114  (JP2:OpenJPEG) GCC4.8.4",
    "DerivedVendorReportedEchoSpacing": 0.000489996,
    "Description": "Participants view short blocks of scrambled, scene or object images. The purpose of this task is to enable localization of scene and object-category selective visual cortex. These image types are labeled in the Type column for the events",
    "DeviceSerialNumber": "67025",
    "DwellTime": 3.1e-06,
    "EchoTime": 0.025,
    "EchoTrainLength": 32,
    "EffectiveEchoSpacing": 0.000244998,
    "FlipAngle": 90,
    "ImageOrientationPatientDICOM": [
      0.993974,
      -0.0806945,
      0.0741881,
      0.0912444,
      0.984156,
      -0.152027
    ],
    "ImageType": [
      "ORIGINAL",
      "PRIMARY",
      "M",
      "ND",
      "NORM",
      "MOSAIC"
    ],
    "ImagingFrequency": 123.225,
    "InPlanePhaseEncodingDirectionDICOM": "ROW",
    "InstitutionAddress": "McClintock_3520A_Los_Angeles_SVC0e0594213b1104_CA_US_90089",
    "InstitutionName": "USC",
    "InstitutionalDepartmentName": "Department",
    "MRAcquisitionType": "2D",
    "MagneticFieldStrength": 3,
    "Manufacturer": "Siemens",
    "ManufacturersModelName": "Prisma_fit",
    "Modality": "MR",
    "ParallelReductionFactorInPlane": 2,
    "PartialFourier": 1,
    "PatientID": "15.08.11-12:59:27-DST-1.3.12.2.1107.5.2.43.67025",
    "PatientPosition": "HFS",
    "PatientSex": "F",
    "PatientWeight": 57.1526,
    "PercentPhaseFOV": 100,
    "PhaseEncodingDirection": "i-",
    "PhaseEncodingSteps": 64,
    "PhaseResolution": 1,
    "PixelBandwidth": 2520,
    "ProcedureStepDescription": "Mara_David",
    "ProtocolName": "frmi-sensory",
    "PulseSequenceDetails": "%SiemensSeq%_ep2d_pace",
    "ReceiveCoilActiveElements": "HEA;HEP",
    "ReceiveCoilName": "Head_32",
    "ReconMatrixPE": 64,
    "RepetitionTime": 2,
    "SAR": 0.104537,
    "ScanOptions": "FS",
    "ScanningSequence": "EP",
    "SequenceName": "_epfid2d1_64",
    "SequenceVariant": "SK",
    "SeriesDescription": "frmi-sensory",
    "SeriesInstanceUID": "1.3.12.2.1107.5.2.43.67025.2015081113122369815156019.0.0.0",
    "SeriesNumber": 6,
    "ShimSetting": [
      -7811,
      -10311,
      11740,
      627,
      8,
      36,
      -88,
      -29
    ],
    "SliceThickness": 3,
    "SliceTiming": [
      0,
      1.0125,
      0.0475,
      1.0625,
      0.095,
      1.11,
      0.145,
      1.1575,
      0.1925,
      1.2075,
      0.24,
      1.255,
      0.29,
      1.3025,
      0.3375,
      1.35,
      0.385,
      1.4,
      0.4325,
      1.4475,
      0.4825,
      1.495,
      0.53,
      1.545,
      0.5775,
      1.5925,
      0.6275,
      1.64,
      0.675,
      1.69,
      0.7225,
      1.7375,
      0.7725,
      1.785,
      0.82,
      1.835,
      0.8675,
      1.8825,
      0.9175,
      1.93,
      0.965
    ],
    "SoftwareVersions": "syngo_MR_D13D",
    "SpacingBetweenSlices": 3,
    "StationName": "MRC35039",
    "StudyID": "1",
    "StudyInstanceUID": "1.3.12.2.1107.5.2.43.67025.30000015081115362931200000007",
    "TaskName": "PPA/LOC functional Localizer",
    "TotalReadoutTime": 0.0154349,
    "TxRefAmp": 227.675,
    "dataset": "ds002011",
    "modality": "bold",
    "subject_id": "17",
    "task_id": "ppalocalizer"
  },
  "dummy_trs": 0,
  "dvars_nstd": 22.62282839804234,
  "dvars_std": 1.1362885340211635,
  "dvars_vstd": 0.9756248028571433,
  "efc": 0.5440990935990031,
  "fber": 1669.736083984375,
  "fd_mean": 0.06206581021115456,
  "fd_num": 6,
  "fd_perc": 3.1578947368421053,
  "fwhm_avg": 1.615611111111111,
  "fwhm_x": 1.5509433333333333,
  "fwhm_y": 1.6957933333333333,
  "fwhm_z": 1.6000966666666667,
  "gcor": 0.0215926,
  "gsr_x": -0.00025994927273131907,
  "gsr_y": 0.0319666862487793,
  "provenance": {
    "md5sum": "050cad0bd023967e7b3286052f1d0911",
    "settings": {
      "fd_thres": 0.2,
      "testing": false
    },
    "software": "mriqc",
    "version": "22.0.6",
    "webapi_port": null,
    "webapi_url": "https://mriqc.nimh.nih.gov/api/v1"
  },
  "size_t": 190,
  "size_x": 64,
  "size_y": 64,
  "size_z": 41,
  "snr": 8.19838626507878,
  "spacing_tr": 2.0,
  "spacing_x": 3.0,
  "spacing_y": 3.0,
  "spacing_z": 3.0,
  "summary_bg_k": 35.919495651482904,
  "summary_bg_mad": 6.312763855571405,
  "summary_bg_mean": 21.266990661621094,
  "summary_bg_median": 9.268421173095703,
  "summary_bg_n": 98390.0,
  "summary_bg_p05": 3.8473684787750244,
  "summary_bg_p95": 78.05789947509766,
  "summary_bg_stdv": 36.3431282043457,
  "summary_fg_k": 2.037218653231718,
  "summary_fg_mad": 43.94747340891515,
  "summary_fg_mean": 376.44122314453125,
  "summary_fg_median": 375.60528564453125,
  "summary_fg_n": 33839.0,
  "summary_fg_p05": 308.1784301757813,
  "summary_fg_p95": 449.56317138671875,
  "summary_fg_stdv": 45.81386184692383,
  "tsnr": 60.09102844167501
}