{
  "aor": 0.002563157894736842,
  "aqi": 0.010224215368421052,
  "bids_meta": {
    "AcquisitionDateTime": "2015-07-24T10:14:5.305000",
    "AcquisitionMatrixPE": 64,
    "AcquisitionNumber": 1,
    "AcquisitionTime": "10:14:5.305000",
    "BandwidthPerPixelPhaseEncode": 63.776,
    "BaseResolution": 64,
    "BodyPartExamined": "BRAIN",
    "ConsistencyInfo": "N4_VD13D_LATEST_20130810",
    "ConversionSoftware": "dcm2niix",
    "ConversionSoftwareVersion": "v1.0.20181114  (JP2:OpenJPEG) GCC4.8.4",
    "DerivedVendorReportedEchoSpacing": 0.000489996,
    "Description": "Participants view short blocks of scrambled, scene or object images. The purpose of this task is to enable localization of scene and object-category selective visual cortex. These image types are labeled in the Type column for the events",
    "DeviceSerialNumber": "67025",
    "DwellTime": 3.1e-06,
    "EchoTime": 0.025,
    "EchoTrainLength": 32,
    "EffectiveEchoSpacing": 0.000244998,
    "FlipAngle": 90,
    "ImageOrientationPatientDICOM": [
      0.999888,
      -0.000314448,
      0.0149672,
      0.00298504,
      0.983891,
      -0.178746
    ],
    "ImageType": [
      "ORIGINAL",
      "PRIMARY",
      "M",
      "ND",
      "NORM",
      "MOSAIC"
    ],
    "ImagingFrequency": 123.225,
    "InPlanePhaseEncodingDirectionDICOM": "ROW",
    "InstitutionAddress": "McClintock_3520A_Los_Angeles_SVC0e0594213b1104_CA_US_90089",
    "InstitutionName": "USC",
    "InstitutionalDepartmentName": "Department",
    "MRAcquisitionType": "2D",
    "MagneticFieldStrength": 3,
    "Manufacturer": "Siemens",
    "ManufacturersModelName": "Prisma_fit",
    "Modality": "MR",
    "ParallelReductionFactorInPlane": 2,
    "PartialFourier": 1,
    "PatientID": "15.07.24-09:55:15-DST-1.3.12.2.1107.5.2.43.67025",
    "PatientPosition": "HFS",
    "PatientSex": "M",
    "PatientWeight": 74.8428,
    "PercentPhaseFOV": 100,
    "PhaseEncodingDirection": "i-",
    "PhaseEncodingSteps": 64,
    "PhaseResolution": 1,
    "PixelBandwidth": 2520,
    "ProcedureStepDescription": "Mara_David",
    "ProtocolName": "frmi-localizer",
    "PulseSequenceDetails": "%SiemensSeq%_ep2d_pace",
    "ReceiveCoilActiveElements": "HEA;HEP",
    "ReceiveCoilName": "Head_32",
    "ReconMatrixPE": 64,
    "RepetitionTime": 2,
    "SAR": 0.152835,
    "ScanOptions": "FS",
    "ScanningSequence": "EP",
    "SequenceName": "_epfid2d1_64",
    "SequenceVariant": "SK",
    "SeriesDescription": "frmi-localizer",
    "SeriesInstanceUID": "1.3.12.2.1107.5.2.43.67025.2015072410120026699149726.0.0.0",
    "SeriesNumber": 6,
    "ShimSetting": [
      -7798,
      -10316,
      11792,
      549,
      54,
      67,
      129,
      -17
    ],
    "SliceThickness": 3,
    "SliceTiming": [
      0,
      1.0125,
      0.0475,
      1.0625,
      0.095,
      1.11,
      0.145,
      1.1575,
      0.1925,
      1.2075,
      0.24,
      1.255,
      0.29,
      1.3025,
      0.3375,
      1.3525,
      0.385,
      1.4,
      0.435,
      1.4475,
      0.4825,
      1.4975,
      0.53,
      1.545,
      0.58,
      1.5925,
      0.6275,
      1.6425,
      0.675,
      1.69,
      0.725,
      1.7375,
      0.7725,
      1.7875,
      0.82,
      1.835,
      0.87,
      1.8825,
      0.9175,
      1.93,
      0.965
    ],
    "SoftwareVersions": "syngo_MR_D13D",
    "SpacingBetweenSlices": 3,
    "StationName": "MRC35039",
    "StudyID": "1",
    "StudyInstanceUID": "1.3.12.2.1107.5.2.43.67025.30000015072415292407100000007",
    "TaskName": "PPA/LOC functional Localizer",
    "TotalReadoutTime": 0.0154349,
    "TxRefAmp": 269.987,
    "dataset": "ds002011",
    "modality": "bold",
    "subject_id": "06",
    "task_id": "ppalocalizer"
  },
  "dummy_trs": 0,
  "dvars_nstd": 25.47509074349205,
  "dvars_std": 1.3279667297883595,
  "dvars_vstd": 1.0305339207407407,
  "efc": 0.6210442333935634,
  "fber": 1268.8631591796875,
  "fd_mean": 0.117191507386453,
  "fd_num": 12,
  "fd_perc": 6.315789473684211,
  "fwhm_avg": 1.51966,
  "fwhm_x": 1.42466,
  "fwhm_y": 1.5890533333333332,
  "fwhm_z": 1.5452666666666666,
  "gcor": 0.0409529,
  "gsr_x": 0.009616845287382603,
  "gsr_y": 0.0408979207277298,
  "provenance": {
    "md5sum": "24a054303d9034c39e94663cfaa815c4",
    "settings": {
      "fd_thres": 0.2,
      "testing": false
    },
    "software": "mriqc",
    "version": "22.0.6",
    "webapi_port": null,
    "webapi_url": "https://mriqc.nimh.nih.gov/api/v1"
  },
  "size_t": 190,
  "size_x": 64,
  "size_y": 64,
  "size_z": 41,
  "snr": 7.789023566914611,
  "spacing_tr": 2.0,
  "spacing_x": 3.0,
  "spacing_y": 3.0,
  "spacing_z": 3.0,
  "summary_bg_k": 12.571887086075463,
  "summary_bg_mad": 9.558883022242888,
  "summary_bg_mean": 32.08641815185547,
  "summary_bg_median": 11.342105865478516,
  "summary_bg_n": 84024.0,
  "summary_bg_p05": 3.58500009775162,
  "summary_bg_p95": 131.98790740966788,
  "summary_bg_stdv": 50.22111892700195,
  "summary_fg_k": 4.038845124385196,
  "summary_fg_mad": 48.352342152281025,
  "summary_fg_mean": 412.1318664550781,
  "summary_fg_median": 411.24212646484375,
  "summary_fg_n": 45618.0,
  "summary_fg_p05": 337.47369384765625,
  "summary_fg_p95": 493.81737518310547,
  "summary_fg_stdv": 52.79706954956055,
  "tsnr": 65.51999243488535
}