{
  "aor": 0.0005652105263157896,
  "aqi": 0.008648162894736843,
  "bids_meta": {
    "AcquisitionDateTime": "2015-07-13T16:04:10.315000",
    "AcquisitionMatrixPE": 64,
    "AcquisitionNumber": 1,
    "AcquisitionTime": "16:04:10.315000",
    "BandwidthPerPixelPhaseEncode": 63.776,
    "BaseResolution": 64,
    "BodyPartExamined": "BRAIN",
    "ConsistencyInfo": "N4_VD13D_LATEST_20130810",
    "ConversionSoftware": "dcm2niix",
    "ConversionSoftwareVersion": "v1.0.20181114  (JP2:OpenJPEG) GCC4.8.4",
    "DerivedVendorReportedEchoSpacing": 0.000489996,
    "Description": "Participants view short blocks of scrambled, scene or object images. The purpose of this task is to enable localization of scene and object-category selective visual cortex. These image types are labeled in the Type column for the events",
    "DeviceSerialNumber": "67025",
    "DwellTime": 3.1e-06,
    "EchoTime": 0.025,
    "EchoTrainLength": 32,
    "EffectiveEchoSpacing": 0.000244998,
    "FlipAngle": 90,
    "ImageOrientationPatientDICOM": [
      0.998851,
      0.0456664,
      0.0145637,
      -0.039537,
      0.956725,
      -0.288295
    ],
    "ImageType": [
      "ORIGINAL",
      "PRIMARY",
      "M",
      "ND",
      "NORM",
      "MOSAIC"
    ],
    "ImagingFrequency": 123.225,
    "InPlanePhaseEncodingDirectionDICOM": "COL",
    "InstitutionAddress": "McClintock_3520A_Los_Angeles_SVC0e0594213b1104_CA_US_90089",
    "InstitutionName": "USC",
    "InstitutionalDepartmentName": "Department",
    "MRAcquisitionType": "2D",
    "MagneticFieldStrength": 3,
    "Manufacturer": "Siemens",
    "ManufacturersModelName": "Prisma_fit",
    "Modality": "MR",
    "ParallelReductionFactorInPlane": 2,
    "PartialFourier": 1,
    "PatientID": "15.07.13-15:42:26-DST-1.3.12.2.1107.5.2.43.67025",
    "PatientPosition": "HFS",
    "PatientSex": "M",
    "PatientWeight": 90.7185,
    "PercentPhaseFOV": 100,
    "PhaseEncodingDirection": "j-",
    "PhaseEncodingSteps": 64,
    "PhaseResolution": 1,
    "PixelBandwidth": 2520,
    "ProcedureStepDescription": "Mara_David",
    "ProtocolName": "frmi-localizer",
    "PulseSequenceDetails": "%SiemensSeq%_ep2d_pace",
    "ReceiveCoilActiveElements": "HEA;HEP",
    "ReceiveCoilName": "Head_32",
    "ReconMatrixPE": 64,
    "RepetitionTime": 2,
    "SAR": 0.161293,
    "ScanOptions": "FS",
    "ScanningSequence": "EP",
    "SequenceName": "_epfid2d1_64",
    "SequenceVariant": "SK",
    "SeriesDescription": "frmi-localizer",
    "SeriesInstanceUID": "1.3.12.2.1107.5.2.43.67025.20150713160350257023509.0.0.0",
    "SeriesNumber": 6,
    "ShimSetting": [
      -7768,
      -10380,
      11673,
      234,
      63,
      -190,
      9,
      29
    ],
    "SliceThickness": 3,
    "SliceTiming": [
      0,
      1.0125,
      0.0475,
      1.0625,
      0.095,
      1.11,
      0.145,
      1.1575,
      0.1925,
      1.2075,
      0.24,
      1.255,
      0.29,
      1.3025,
      0.3375,
      1.3525,
      0.385,
      1.4,
      0.435,
      1.4475,
      0.4825,
      1.4975,
      0.53,
      1.545,
      0.58,
      1.5925,
      0.6275,
      1.6425,
      0.675,
      1.69,
      0.725,
      1.7375,
      0.7725,
      1.785,
      0.82,
      1.835,
      0.8675,
      1.8825,
      0.9175,
      1.93,
      0.965
    ],
    "SoftwareVersions": "syngo_MR_D13D",
    "SpacingBetweenSlices": 3,
    "StationName": "MRC35039",
    "StudyID": "1",
    "StudyInstanceUID": "1.3.12.2.1107.5.2.43.67025.30000015071315070740500000016",
    "TaskName": "PPA/LOC functional Localizer",
    "TotalReadoutTime": 0.0154349,
    "TxRefAmp": 296.026,
    "dataset": "ds002011",
    "modality": "bold",
    "subject_id": "01",
    "task_id": "ppalocalizer"
  },
  "dummy_trs": 0,
  "dvars_nstd": 27.9458163425926,
  "dvars_std": 1.2914786551851853,
  "dvars_vstd": 0.9918393601587302,
  "efc": 0.5998021390820962,
  "fber": 1125.803466796875,
  "fd_mean": 0.06342937640939723,
  "fd_num": 1,
  "fd_perc": 0.5263157894736842,
  "fwhm_avg": 1.5905133333333332,
  "fwhm_x": 1.4701366666666666,
  "fwhm_y": 1.68457,
  "fwhm_z": 1.6168333333333333,
  "gcor": 0.00687764,
  "gsr_x": 0.009994440712034702,
  "gsr_y": 0.042575858533382416,
  "provenance": {
    "md5sum": "ca5419730b8a155422794b724cd56a88",
    "settings": {
      "fd_thres": 0.2,
      "testing": false
    },
    "software": "mriqc",
    "version": "22.0.6",
    "webapi_port": null,
    "webapi_url": "https://mriqc.nimh.nih.gov/api/v1"
  },
  "size_t": 190,
  "size_x": 64,
  "size_y": 64,
  "size_z": 41,
  "snr": 7.279288698641119,
  "spacing_tr": 2.0,
  "spacing_x": 3.0,
  "spacing_y": 3.0,
  "spacing_z": 3.0,
  "summary_bg_k": 11.573381670665862,
  "summary_bg_mad": 8.77076279138004,
  "summary_bg_mean": 31.19427490234375,
  "summary_bg_median": 11.005263328552246,
  "summary_bg_n": 90983.0,
  "summary_bg_p05": 4.1052632331848145,
  "summary_bg_p95": 126.99948120117185,
  "summary_bg_stdv": 47.943180084228516,
  "summary_fg_k": 1.5520542656929628,
  "summary_fg_mad": 52.72212306543293,
  "summary_fg_mean": 387.711669921875,
  "summary_fg_median": 385.428955078125,
  "summary_fg_n": 40128.0,
  "summary_fg_p05": 310.8421325683594,
  "summary_fg_p95": 474.2737121582031,
  "summary_fg_stdv": 52.94805145263672,
  "tsnr": 62.77146285562776
}