{
  "aor": 0.008627947368421053,
  "aqi": 0.012550007736842105,
  "bids_meta": {
    "AcquisitionDateTime": "2015-07-17T16:14:58.940000",
    "AcquisitionMatrixPE": 64,
    "AcquisitionNumber": 1,
    "AcquisitionTime": "16:14:58.940000",
    "BandwidthPerPixelPhaseEncode": 63.776,
    "BaseResolution": 64,
    "BodyPartExamined": "BRAIN",
    "ConsistencyInfo": "N4_VD13D_LATEST_20130810",
    "ConversionSoftware": "dcm2niix",
    "ConversionSoftwareVersion": "v1.0.20181114  (JP2:OpenJPEG) GCC4.8.4",
    "DerivedVendorReportedEchoSpacing": 0.000489996,
    "Description": "Participants view short blocks of scrambled, scene or object images. The purpose of this task is to enable localization of scene and object-category selective visual cortex. These image types are labeled in the Type column for the events",
    "DeviceSerialNumber": "67025",
    "DwellTime": 3.1e-06,
    "EchoTime": 0.025,
    "EchoTrainLength": 32,
    "EffectiveEchoSpacing": 0.000244998,
    "FlipAngle": 90,
    "ImageOrientationPatientDICOM": [
      0.999829,
      0.0158333,
      -0.00957407,
      -0.017952,
      0.955424,
      -0.29469
    ],
    "ImageType": [
      "ORIGINAL",
      "PRIMARY",
      "M",
      "ND",
      "NORM",
      "MOSAIC"
    ],
    "ImagingFrequency": 123.225,
    "InPlanePhaseEncodingDirectionDICOM": "COL",
    "InstitutionAddress": "McClintock_3520A_Los_Angeles_SVC0e0594213b1104_CA_US_90089",
    "InstitutionName": "USC",
    "InstitutionalDepartmentName": "Department",
    "MRAcquisitionType": "2D",
    "MagneticFieldStrength": 3,
    "Manufacturer": "Siemens",
    "ManufacturersModelName": "Prisma_fit",
    "Modality": "MR",
    "ParallelReductionFactorInPlane": 2,
    "PartialFourier": 1,
    "PatientID": "15.07.17-15:57:07-DST-1.3.12.2.1107.5.2.43.67025",
    "PatientPosition": "HFS",
    "PatientSex": "M",
    "PatientWeight": 90.7185,
    "PercentPhaseFOV": 100,
    "PhaseEncodingDirection": "j-",
    "PhaseEncodingSteps": 64,
    "PhaseResolution": 1,
    "PixelBandwidth": 2520,
    "ProcedureStepDescription": "Mara_David",
    "ProtocolName": "frmi-localizer",
    "PulseSequenceDetails": "%SiemensSeq%_ep2d_pace",
    "ReceiveCoilActiveElements": "HEA;HEP",
    "ReceiveCoilName": "Head_32",
    "ReconMatrixPE": 64,
    "RepetitionTime": 2,
    "SAR": 0.153641,
    "ScanOptions": "FS",
    "ScanningSequence": "EP",
    "SequenceName": "_epfid2d1_64",
    "SequenceVariant": "SK",
    "SeriesDescription": "frmi-localizer",
    "SeriesInstanceUID": "1.3.12.2.1107.5.2.43.67025.2015071716144623891527293.0.0.0",
    "SeriesNumber": 6,
    "ShimSetting": [
      -7811,
      -10334,
      11826,
      534,
      -16,
      182,
      26,
      -8
    ],
    "SliceThickness": 3,
    "SliceTiming": [
      0,
      1.015,
      0.0475,
      1.0625,
      0.0975,
      1.11,
      0.145,
      1.16,
      0.1925,
      1.2075,
      0.2425,
      1.255,
      0.29,
      1.3025,
      0.3375,
      1.3525,
      0.385,
      1.4,
      0.435,
      1.4475,
      0.4825,
      1.4975,
      0.53,
      1.545,
      0.58,
      1.5925,
      0.6275,
      1.6425,
      0.675,
      1.69,
      0.725,
      1.7375,
      0.7725,
      1.7875,
      0.82,
      1.835,
      0.87,
      1.8825,
      0.9175,
      1.9325,
      0.965
    ],
    "SoftwareVersions": "syngo_MR_D13D",
    "SpacingBetweenSlices": 3,
    "StationName": "MRC35039",
    "StudyID": "1",
    "StudyInstanceUID": "1.3.12.2.1107.5.2.43.67025.30000015071716123166700000016",
    "TaskName": "PPA/LOC functional Localizer",
    "TotalReadoutTime": 0.0154349,
    "TxRefAmp": 292.297,
    "dataset": "ds002011",
    "modality": "bold",
    "subject_id": "04",
    "task_id": "ppalocalizer"
  },
  "dummy_trs": 0,
  "dvars_nstd": 24.350680629206355,
  "dvars_std": 1.1128625917460317,
  "dvars_vstd": 1.0433664656084654,
  "efc": 0.6570265939998091,
  "fber": 1078.87548828125,
  "fd_mean": 0.13774471002678407,
  "fd_num": 13,
  "fd_perc": 6.842105263157895,
  "fwhm_avg": 1.6377733333333333,
  "fwhm_x": 1.5321833333333332,
  "fwhm_y": 1.7447366666666666,
  "fwhm_z": 1.6364,
  "gcor": 0.0533387,
  "gsr_x": 0.02141077071428299,
  "gsr_y": 0.048526912927627563,
  "provenance": {
    "md5sum": "f6f42aecb41f11200e5eb79fef0f827f",
    "settings": {
      "fd_thres": 0.2,
      "testing": false
    },
    "software": "mriqc",
    "version": "22.0.6",
    "webapi_port": null,
    "webapi_url": "https://mriqc.nimh.nih.gov/api/v1"
  },
  "size_t": 190,
  "size_x": 64,
  "size_y": 64,
  "size_z": 41,
  "snr": 7.343679331315405,
  "spacing_tr": 2.0,
  "spacing_x": 3.0,
  "spacing_y": 3.0,
  "spacing_z": 3.0,
  "summary_bg_k": 7.272612452493689,
  "summary_bg_mad": 13.007884106611467,
  "summary_bg_mean": 43.36571502685547,
  "summary_bg_median": 13.426316261291504,
  "summary_bg_n": 77761.0,
  "summary_bg_p05": 3.026315927505493,
  "summary_bg_p95": 188.131591796875,
  "summary_bg_stdv": 65.25483703613281,
  "summary_fg_k": 1.4743155585168521,
  "summary_fg_mad": 64.16548386251822,
  "summary_fg_mean": 474.22918701171875,
  "summary_fg_median": 471.6421203613281,
  "summary_fg_n": 51494.0,
  "summary_fg_p05": 383.5034423828125,
  "summary_fg_p95": 582.0526733398438,
  "summary_fg_stdv": 64.22360229492188,
  "tsnr": 49.30072261579335
}