{
  "aor": 0.002247105263157895,
  "aqi": 0.017750416421052632,
  "bids_meta": {
    "AcquisitionDateTime": "2015-08-04T10:14:6.580000",
    "AcquisitionMatrixPE": 64,
    "AcquisitionNumber": 1,
    "AcquisitionTime": "10:14:6.580000",
    "BandwidthPerPixelPhaseEncode": 63.776,
    "BaseResolution": 64,
    "BodyPartExamined": "BRAIN",
    "ConsistencyInfo": "N4_VD13D_LATEST_20130810",
    "ConversionSoftware": "dcm2niix",
    "ConversionSoftwareVersion": "v1.0.20181114  (JP2:OpenJPEG) GCC4.8.4",
    "DerivedVendorReportedEchoSpacing": 0.000489996,
    "Description": "Participants view short blocks of scrambled, scene or object images. The purpose of this task is to enable localization of scene and object-category selective visual cortex. These image types are labeled in the Type column for the events",
    "DeviceSerialNumber": "67025",
    "DwellTime": 3.1e-06,
    "EchoTime": 0.025,
    "EchoTrainLength": 32,
    "EffectiveEchoSpacing": 0.000244998,
    "FlipAngle": 90,
    "ImageOrientationPatientDICOM": [
      0.999951,
      0.00178928,
      0.0097616,
      0.00104489,
      0.959164,
      -0.282848
    ],
    "ImageType": [
      "ORIGINAL",
      "PRIMARY",
      "M",
      "ND",
      "NORM",
      "MOSAIC"
    ],
    "ImagingFrequency": 123.225,
    "InPlanePhaseEncodingDirectionDICOM": "ROW",
    "InstitutionAddress": "McClintock_3520A_Los_Angeles_SVC0e0594213b1104_CA_US_90089",
    "InstitutionName": "USC",
    "InstitutionalDepartmentName": "Department",
    "MRAcquisitionType": "2D",
    "MagneticFieldStrength": 3,
    "Manufacturer": "Siemens",
    "ManufacturersModelName": "Prisma_fit",
    "Modality": "MR",
    "ParallelReductionFactorInPlane": 2,
    "PartialFourier": 1,
    "PatientID": "15.08.04-09:59:52-DST-1.3.12.2.1107.5.2.43.67025",
    "PatientPosition": "HFS",
    "PatientSex": "M",
    "PatientWeight": 67.1317,
    "PercentPhaseFOV": 100,
    "PhaseEncodingDirection": "i-",
    "PhaseEncodingSteps": 64,
    "PhaseResolution": 1,
    "PixelBandwidth": 2520,
    "ProcedureStepDescription": "Mara_David",
    "ProtocolName": "frmi-localizering",
    "PulseSequenceDetails": "%SiemensSeq%_ep2d_pace",
    "ReceiveCoilActiveElements": "HEA;HEP",
    "ReceiveCoilName": "Head_32",
    "ReconMatrixPE": 64,
    "RepetitionTime": 2,
    "SAR": 0.132395,
    "ScanOptions": "FS",
    "ScanningSequence": "EP",
    "SequenceName": "_epfid2d1_64",
    "SequenceVariant": "SK",
    "SeriesDescription": "frmi-localizering",
    "SeriesInstanceUID": "1.3.12.2.1107.5.2.43.67025.201508041012513799669961.0.0.0",
    "SeriesNumber": 6,
    "ShimSetting": [
      -7786,
      -10348,
      11793,
      531,
      78,
      9,
      276,
      -39
    ],
    "SliceThickness": 3,
    "SliceTiming": [
      0,
      1.015,
      0.0475,
      1.0625,
      0.0975,
      1.11,
      0.145,
      1.16,
      0.1925,
      1.2075,
      0.2425,
      1.255,
      0.29,
      1.305,
      0.3375,
      1.3525,
      0.3875,
      1.4,
      0.435,
      1.45,
      0.4825,
      1.4975,
      0.5325,
      1.545,
      0.58,
      1.595,
      0.6275,
      1.6425,
      0.6775,
      1.69,
      0.725,
      1.74,
      0.7725,
      1.7875,
      0.8225,
      1.835,
      0.87,
      1.8825,
      0.9175,
      1.9325,
      0.965
    ],
    "SoftwareVersions": "syngo_MR_D13D",
    "SpacingBetweenSlices": 3,
    "StationName": "MRC35039",
    "StudyID": "1",
    "StudyInstanceUID": "1.3.12.2.1107.5.2.43.67025.30000015080415460166000000004",
    "TaskName": "PPA/LOC functional Localizer",
    "TotalReadoutTime": 0.0154349,
    "TxRefAmp": 251.537,
    "dataset": "ds002011",
    "modality": "bold",
    "subject_id": "13",
    "task_id": "ppalocalizer"
  },
  "dummy_trs": 0,
  "dvars_nstd": 24.43718632714286,
  "dvars_std": 1.126796201534392,
  "dvars_vstd": 0.9721288938095246,
  "efc": 0.5954042383385585,
  "fber": 1467.20556640625,
  "fd_mean": 0.17607508710814068,
  "fd_num": 61,
  "fd_perc": 32.10526315789474,
  "fwhm_avg": 1.5637977777777776,
  "fwhm_x": 1.4787166666666665,
  "fwhm_y": 1.6248866666666668,
  "fwhm_z": 1.58779,
  "gcor": 0.0138541,
  "gsr_x": 0.011447560042142868,
  "gsr_y": 0.025894029065966606,
  "provenance": {
    "md5sum": "36b3b0905ed737a140a4cbb531d7e0b1",
    "settings": {
      "fd_thres": 0.2,
      "testing": false
    },
    "software": "mriqc",
    "version": "22.0.6",
    "webapi_port": null,
    "webapi_url": "https://mriqc.nimh.nih.gov/api/v1"
  },
  "size_t": 190,
  "size_x": 64,
  "size_y": 64,
  "size_z": 41,
  "snr": 7.707726986315458,
  "spacing_tr": 2.0,
  "spacing_x": 3.0,
  "spacing_y": 3.0,
  "spacing_z": 3.0,
  "summary_bg_k": 17.262550440692817,
  "summary_bg_mad": 8.34939211080928,
  "summary_bg_mean": 28.446290969848633,
  "summary_bg_median": 10.43157958984375,
  "summary_bg_n": 88981.0,
  "summary_bg_p05": 3.6684212684631348,
  "summary_bg_p95": 120.97895050048828,
  "summary_bg_stdv": 46.13033676147461,
  "summary_fg_k": 2.017184206629871,
  "summary_fg_mad": 50.6503574927931,
  "summary_fg_mean": 406.0270080566406,
  "summary_fg_median": 403.35791015625,
  "summary_fg_n": 41675.0,
  "summary_fg_p05": 333.45106201171876,
  "summary_fg_p95": 494.35897827148426,
  "summary_fg_stdv": 52.33100128173828,
  "tsnr": 48.84421128267422
}