{
  "aor": 0.0008956315789473685,
  "aqi": 0.007116759052631579,
  "bids_meta": {
    "AcquisitionDateTime": "2015-08-18T14:14:42.255000",
    "AcquisitionMatrixPE": 64,
    "AcquisitionNumber": 1,
    "AcquisitionTime": "14:14:42.255000",
    "BandwidthPerPixelPhaseEncode": 63.776,
    "BaseResolution": 64,
    "BodyPartExamined": "BRAIN",
    "ConsistencyInfo": "N4_VD13D_LATEST_20130810",
    "ConversionSoftware": "dcm2niix",
    "ConversionSoftwareVersion": "v1.0.20181114  (JP2:OpenJPEG) GCC4.8.4",
    "DerivedVendorReportedEchoSpacing": 0.000489996,
    "Description": "Participants view short blocks of scrambled, scene or object images. The purpose of this task is to enable localization of scene and object-category selective visual cortex. These image types are labeled in the Type column for the events",
    "DeviceSerialNumber": "67025",
    "DwellTime": 3.1e-06,
    "EchoTime": 0.025,
    "EchoTrainLength": 32,
    "EffectiveEchoSpacing": 0.000244998,
    "FlipAngle": 90,
    "ImageOrientationPatientDICOM": [
      0.996878,
      0.0360062,
      -0.0702708,
      -0.0507981,
      0.973798,
      -0.221667
    ],
    "ImageType": [
      "ORIGINAL",
      "PRIMARY",
      "M",
      "ND",
      "NORM",
      "MOSAIC"
    ],
    "ImagingFrequency": 123.225,
    "InPlanePhaseEncodingDirectionDICOM": "ROW",
    "InstitutionAddress": "McClintock_3520A_Los_Angeles_SVC0e0594213b1104_CA_US_90089",
    "InstitutionName": "USC",
    "InstitutionalDepartmentName": "Department",
    "MRAcquisitionType": "2D",
    "MagneticFieldStrength": 3,
    "Manufacturer": "Siemens",
    "ManufacturersModelName": "Prisma_fit",
    "Modality": "MR",
    "ParallelReductionFactorInPlane": 2,
    "PartialFourier": 1,
    "PatientID": "15.08.18-13:58:10-DST-1.3.12.2.1107.5.2.43.67025",
    "PatientPosition": "HFS",
    "PatientSex": "F",
    "PatientWeight": 58.967,
    "PercentPhaseFOV": 100,
    "PhaseEncodingDirection": "i-",
    "PhaseEncodingSteps": 64,
    "PhaseResolution": 1,
    "PixelBandwidth": 2520,
    "ProcedureStepDescription": "Mara_David",
    "ProtocolName": "frmi-sensory",
    "PulseSequenceDetails": "%SiemensSeq%_ep2d_pace",
    "ReceiveCoilActiveElements": "HEA;HEP",
    "ReceiveCoilName": "Head_32",
    "ReconMatrixPE": 64,
    "RepetitionTime": 2,
    "SAR": 0.118628,
    "ScanOptions": "FS",
    "ScanningSequence": "EP",
    "SequenceName": "_epfid2d1_64",
    "SequenceVariant": "SK",
    "SeriesDescription": "frmi-sensory",
    "SeriesInstanceUID": "1.3.12.2.1107.5.2.43.67025.2015081814122692531438810.0.0.0",
    "SeriesNumber": 6,
    "ShimSetting": [
      -7806,
      -10336,
      11815,
      528,
      -1,
      103,
      105,
      55
    ],
    "SliceThickness": 3,
    "SliceTiming": [
      0,
      1.015,
      0.05,
      1.0625,
      0.0975,
      1.1125,
      0.145,
      1.16,
      0.195,
      1.2075,
      0.2425,
      1.255,
      0.29,
      1.305,
      0.3375,
      1.3525,
      0.3875,
      1.4,
      0.435,
      1.45,
      0.4825,
      1.4975,
      0.5325,
      1.545,
      0.58,
      1.595,
      0.6275,
      1.6425,
      0.6775,
      1.69,
      0.725,
      1.74,
      0.7725,
      1.7875,
      0.8225,
      1.835,
      0.87,
      1.885,
      0.9175,
      1.9325,
      0.9675
    ],
    "SoftwareVersions": "syngo_MR_D13D",
    "SpacingBetweenSlices": 3,
    "StationName": "MRC35039",
    "StudyID": "1",
    "StudyInstanceUID": "1.3.12.2.1107.5.2.43.67025.30000015081815434672000000004",
    "TaskName": "PPA/LOC functional Localizer",
    "TotalReadoutTime": 0.0154349,
    "TxRefAmp": 235.796,
    "dataset": "ds002011",
    "modality": "bold",
    "subject_id": "18",
    "task_id": "ppalocalizer"
  },
  "dummy_trs": 0,
  "dvars_nstd": 23.298234344338628,
  "dvars_std": 1.2835164435978832,
  "dvars_vstd": 1.0095472810582016,
  "efc": 0.5640403766542469,
  "fber": 1774.8377685546875,
  "fd_mean": 0.051201185193218375,
  "fd_num": 3,
  "fd_perc": 1.5789473684210527,
  "fwhm_avg": 1.6151055106447396,
  "fwhm_x": 1.5195233333333331,
  "fwhm_y": 1.695326531934219,
  "fwhm_z": 1.6304666666666667,
  "gcor": 0.0436708,
  "gsr_x": -0.0029836392495781183,
  "gsr_y": 0.021549776196479797,
  "provenance": {
    "md5sum": "8d51de0a6cf94319092b6827fdcaa7dd",
    "settings": {
      "fd_thres": 0.2,
      "testing": false
    },
    "software": "mriqc",
    "version": "22.0.6",
    "webapi_port": null,
    "webapi_url": "https://mriqc.nimh.nih.gov/api/v1"
  },
  "size_t": 190,
  "size_x": 64,
  "size_y": 64,
  "size_z": 41,
  "snr": 7.808559399633316,
  "spacing_tr": 2.0,
  "spacing_x": 3.0,
  "spacing_y": 3.000000238418579,
  "spacing_z": 3.0,
  "summary_bg_k": 33.193354467722344,
  "summary_bg_mad": 6.5390567479931825,
  "summary_bg_mean": 20.751989364624023,
  "summary_bg_median": 9.757895469665527,
  "summary_bg_n": 92092.0,
  "summary_bg_p05": 4.115789413452148,
  "summary_bg_p95": 71.46842193603516,
  "summary_bg_stdv": 34.29536819458008,
  "summary_fg_k": 2.1897313390623747,
  "summary_fg_mad": 51.81692038951337,
  "summary_fg_mean": 416.3056945800781,
  "summary_fg_median": 414.8710632324219,
  "summary_fg_n": 38902.0,
  "summary_fg_p05": 339.21080322265624,
  "summary_fg_p95": 502.0473937988281,
  "summary_fg_stdv": 53.12961196899414,
  "tsnr": 77.70013612869661
}