{
  "aor": 0.001797842105263158,
  "aqi": 0.009417434894736842,
  "bids_meta": {
    "AcquisitionDateTime": "2015-08-06T10:05:59.222500",
    "AcquisitionMatrixPE": 64,
    "AcquisitionNumber": 1,
    "AcquisitionTime": "10:05:59.222500",
    "BandwidthPerPixelPhaseEncode": 63.776,
    "BaseResolution": 64,
    "BodyPartExamined": "BRAIN",
    "ConsistencyInfo": "N4_VD13D_LATEST_20130810",
    "ConversionSoftware": "dcm2niix",
    "ConversionSoftwareVersion": "v1.0.20181114  (JP2:OpenJPEG) GCC4.8.4",
    "DerivedVendorReportedEchoSpacing": 0.000489996,
    "Description": "Participants view short blocks of scrambled, scene or object images. The purpose of this task is to enable localization of scene and object-category selective visual cortex. These image types are labeled in the Type column for the events",
    "DeviceSerialNumber": "67025",
    "DwellTime": 3.1e-06,
    "EchoTime": 0.025,
    "EchoTrainLength": 32,
    "EffectiveEchoSpacing": 0.000244998,
    "FlipAngle": 90,
    "ImageOrientationPatientDICOM": [
      0.999887,
      0.0133863,
      -0.00684605,
      -0.0148865,
      0.945318,
      -0.325809
    ],
    "ImageType": [
      "ORIGINAL",
      "PRIMARY",
      "M",
      "ND",
      "NORM",
      "MOSAIC"
    ],
    "ImagingFrequency": 123.225,
    "InPlanePhaseEncodingDirectionDICOM": "COL",
    "InstitutionAddress": "McClintock_3520A_Los_Angeles_SVC0e0594213b1104_CA_US_90089",
    "InstitutionName": "USC",
    "InstitutionalDepartmentName": "Department",
    "MRAcquisitionType": "2D",
    "MagneticFieldStrength": 3,
    "Manufacturer": "Siemens",
    "ManufacturersModelName": "Prisma_fit",
    "Modality": "MR",
    "ParallelReductionFactorInPlane": 2,
    "PartialFourier": 1,
    "PatientID": "15.08.06-09:48:12-DST-1.3.12.2.1107.5.2.43.67025",
    "PatientPosition": "HFS",
    "PatientSex": "M",
    "PatientWeight": 70.3068,
    "PercentPhaseFOV": 100,
    "PhaseEncodingDirection": "j-",
    "PhaseEncodingSteps": 64,
    "PhaseResolution": 1,
    "PixelBandwidth": 2520,
    "ProcedureStepDescription": "Mara_David",
    "ProtocolName": "frmi-sensory",
    "PulseSequenceDetails": "%SiemensSeq%_ep2d_pace",
    "ReceiveCoilActiveElements": "HEA;HEP",
    "ReceiveCoilName": "Head_32",
    "ReconMatrixPE": 64,
    "RepetitionTime": 2,
    "SAR": 0.123936,
    "ScanOptions": "FS",
    "ScanningSequence": "EP",
    "SequenceName": "_epfid2d1_64",
    "SequenceVariant": "SK",
    "SeriesDescription": "frmi-sensory",
    "SeriesInstanceUID": "1.3.12.2.1107.5.2.43.67025.2015080610041796815239106.0.0.0",
    "SeriesNumber": 6,
    "ShimSetting": [
      -7797,
      -10296,
      11774,
      530,
      -8,
      111,
      -53,
      -12
    ],
    "SliceThickness": 3,
    "SliceTiming": [
      0,
      1.015,
      0.05,
      1.0625,
      0.0975,
      1.1125,
      0.145,
      1.16,
      0.195,
      1.2075,
      0.2425,
      1.255,
      0.29,
      1.305,
      0.3375,
      1.3525,
      0.3875,
      1.4,
      0.435,
      1.45,
      0.4825,
      1.4975,
      0.5325,
      1.545,
      0.58,
      1.595,
      0.6275,
      1.6425,
      0.6775,
      1.69,
      0.725,
      1.74,
      0.7725,
      1.7875,
      0.8225,
      1.835,
      0.87,
      1.885,
      0.9175,
      1.9325,
      0.9675
    ],
    "SoftwareVersions": "syngo_MR_D13D",
    "SpacingBetweenSlices": 3,
    "StationName": "MRC35039",
    "StudyID": "1",
    "StudyInstanceUID": "1.3.12.2.1107.5.2.43.67025.30000015080615584178500000004",
    "TaskName": "PPA/LOC functional Localizer",
    "TotalReadoutTime": 0.0154349,
    "TxRefAmp": 245.519,
    "dataset": "ds002011",
    "modality": "bold",
    "subject_id": "15",
    "task_id": "ppalocalizer"
  },
  "dummy_trs": 0,
  "dvars_nstd": 24.949773122486775,
  "dvars_std": 1.147621617989418,
  "dvars_vstd": 1.021782008835979,
  "efc": 0.610941133924929,
  "fber": 1654.6400146484375,
  "fd_mean": 0.23071592498202464,
  "fd_num": 88,
  "fd_perc": 46.31578947368421,
  "fwhm_avg": 1.5801566666666667,
  "fwhm_x": 1.49268,
  "fwhm_y": 1.6870866666666666,
  "fwhm_z": 1.5607033333333333,
  "gcor": 0.0364803,
  "gsr_x": 0.009359337389469147,
  "gsr_y": 0.049275096505880356,
  "provenance": {
    "md5sum": "cce79fe3af3b9ddf7c927b61185e44c5",
    "settings": {
      "fd_thres": 0.2,
      "testing": false
    },
    "software": "mriqc",
    "version": "22.0.6",
    "webapi_port": null,
    "webapi_url": "https://mriqc.nimh.nih.gov/api/v1"
  },
  "size_t": 190,
  "size_x": 64,
  "size_y": 64,
  "size_z": 41,
  "snr": 7.648462434187665,
  "spacing_tr": 2.0,
  "spacing_x": 3.0,
  "spacing_y": 3.0,
  "spacing_z": 3.0,
  "summary_bg_k": 7.698123882586717,
  "summary_bg_mad": 6.609285430408252,
  "summary_bg_mean": 28.480609893798828,
  "summary_bg_median": 9.052632331848145,
  "summary_bg_n": 86448.0,
  "summary_bg_p05": 3.926316022872925,
  "summary_bg_p95": 125.48579406738276,
  "summary_bg_stdv": 42.97818374633789,
  "summary_fg_k": 1.8589785620895158,
  "summary_fg_mad": 51.96129855355302,
  "summary_fg_mean": 383.4290466308594,
  "summary_fg_median": 383.15264892578125,
  "summary_fg_n": 43521.0,
  "summary_fg_p05": 309.02105712890625,
  "summary_fg_p95": 459.7789611816406,
  "summary_fg_stdv": 50.09480667114258,
  "tsnr": 60.66240287735127
}