{
  "aor": 0.0013402105263157894,
  "aqi": 0.012057208105263156,
  "bids_meta": {
    "AcquisitionDateTime": "2015-10-05T14:58:44.712500",
    "AcquisitionMatrixPE": 64,
    "AcquisitionNumber": 1,
    "AcquisitionTime": "14:58:44.712500",
    "BandwidthPerPixelPhaseEncode": 63.776,
    "BaseResolution": 64,
    "BodyPartExamined": "BRAIN",
    "ConsistencyInfo": "N4_VD13D_LATEST_20130810",
    "ConversionSoftware": "dcm2niix",
    "ConversionSoftwareVersion": "v1.0.20181114  (JP2:OpenJPEG) GCC4.8.4",
    "DerivedVendorReportedEchoSpacing": 0.000489996,
    "Description": "Participants view short blocks of scrambled, scene or object images. The purpose of this task is to enable localization of scene and object-category selective visual cortex. These image types are labeled in the Type column for the events",
    "DeviceSerialNumber": "67025",
    "DwellTime": 3.1e-06,
    "EchoTime": 0.025,
    "EchoTrainLength": 32,
    "EffectiveEchoSpacing": 0.000244998,
    "FlipAngle": 90,
    "ImageOrientationPatientDICOM": [
      0.999509,
      0.00637091,
      -0.0306783,
      -0.0115759,
      0.984922,
      -0.172611
    ],
    "ImageType": [
      "ORIGINAL",
      "PRIMARY",
      "M",
      "ND",
      "NORM",
      "MOSAIC"
    ],
    "ImagingFrequency": 123.225,
    "InPlanePhaseEncodingDirectionDICOM": "ROW",
    "InstitutionAddress": "McClintock_3520A_Los_Angeles_SVC0e0594213b1104_CA_US_90089",
    "InstitutionName": "USC",
    "InstitutionalDepartmentName": "Department",
    "MRAcquisitionType": "2D",
    "MagneticFieldStrength": 3,
    "Manufacturer": "Siemens",
    "ManufacturersModelName": "Prisma_fit",
    "Modality": "MR",
    "ParallelReductionFactorInPlane": 2,
    "PartialFourier": 1,
    "PatientID": "15.10.05-14:35:49-DST-1.3.12.2.1107.5.2.43.67025",
    "PatientPosition": "HFS",
    "PatientSex": "F",
    "PatientWeight": 53.5239,
    "PercentPhaseFOV": 100,
    "PhaseEncodingDirection": "i-",
    "PhaseEncodingSteps": 64,
    "PhaseResolution": 1,
    "PixelBandwidth": 2520,
    "ProcedureStepDescription": "Mara_David",
    "ProtocolName": "frmi-sensory",
    "PulseSequenceDetails": "%SiemensSeq%_ep2d_pace",
    "ReceiveCoilActiveElements": "HEA;HEP",
    "ReceiveCoilName": "Head_32",
    "ReconMatrixPE": 64,
    "RepetitionTime": 2,
    "SAR": 0.111473,
    "ScanOptions": "FS",
    "ScanningSequence": "EP",
    "SequenceName": "_epfid2d1_64",
    "SequenceVariant": "SK",
    "SeriesDescription": "frmi-sensory",
    "SeriesInstanceUID": "1.3.12.2.1107.5.2.43.67025.2015100514580137232563739.0.0.0",
    "SeriesNumber": 5,
    "ShimSetting": [
      -7955,
      -10048,
      11448,
      266,
      -496,
      727,
      -203,
      140
    ],
    "SliceThickness": 3,
    "SliceTiming": [
      0,
      1.015,
      0.0475,
      1.0625,
      0.0975,
      1.11,
      0.145,
      1.16,
      0.1925,
      1.2075,
      0.2425,
      1.255,
      0.29,
      1.305,
      0.3375,
      1.3525,
      0.3875,
      1.4,
      0.435,
      1.45,
      0.4825,
      1.4975,
      0.5325,
      1.545,
      0.58,
      1.595,
      0.6275,
      1.6425,
      0.6775,
      1.69,
      0.725,
      1.74,
      0.7725,
      1.7875,
      0.82,
      1.835,
      0.87,
      1.8825,
      0.9175,
      1.9325,
      0.965
    ],
    "SoftwareVersions": "syngo_MR_D13D",
    "SpacingBetweenSlices": 3,
    "StationName": "MRC35039",
    "StudyID": "1",
    "StudyInstanceUID": "1.3.12.2.1107.5.2.43.67025.30000015100515450757900000010",
    "TaskName": "PPA/LOC functional Localizer",
    "TotalReadoutTime": 0.0154349,
    "TxRefAmp": 226.87,
    "dataset": "ds002011",
    "modality": "bold",
    "subject_id": "21",
    "task_id": "ppalocalizer"
  },
  "dummy_trs": 0,
  "dvars_nstd": 20.074506002486785,
  "dvars_std": 1.0707585032275129,
  "dvars_vstd": 0.9659251005820108,
  "efc": 0.568328151618042,
  "fber": 1643.9759521484375,
  "fd_mean": 0.11241579796522486,
  "fd_num": 7,
  "fd_perc": 3.6842105263157894,
  "fwhm_avg": 1.6660244444444448,
  "fwhm_x": 1.5702133333333332,
  "fwhm_y": 1.7813800000000002,
  "fwhm_z": 1.6464800000000002,
  "gcor": 0.0209493,
  "gsr_x": 0.0011802741792052984,
  "gsr_y": 0.023567821830511093,
  "provenance": {
    "md5sum": "df1fedf19463856c8ee80ae9f278fe5e",
    "settings": {
      "fd_thres": 0.2,
      "testing": false
    },
    "software": "mriqc",
    "version": "22.0.6",
    "webapi_port": null,
    "webapi_url": "https://mriqc.nimh.nih.gov/api/v1"
  },
  "size_t": 190,
  "size_x": 64,
  "size_y": 64,
  "size_z": 41,
  "snr": 7.245488519648065,
  "spacing_tr": 2.0,
  "spacing_x": 3.0,
  "spacing_y": 3.0,
  "spacing_z": 3.0,
  "summary_bg_k": 19.601272157055003,
  "summary_bg_mad": 7.920217300690408,
  "summary_bg_mean": 24.208984375,
  "summary_bg_median": 11.105263710021973,
  "summary_bg_n": 91263.0,
  "summary_bg_p05": 4.168421268463135,
  "summary_bg_p95": 92.95737457275388,
  "summary_bg_stdv": 36.413787841796875,
  "summary_fg_k": 1.9950049816320297,
  "summary_fg_mad": 57.642043150179376,
  "summary_fg_mean": 458.28375244140625,
  "summary_fg_median": 453.1894836425781,
  "summary_fg_n": 39281.0,
  "summary_fg_p05": 369.3210754394531,
  "summary_fg_p95": 565.8157958984375,
  "summary_fg_stdv": 62.547019958496094,
  "tsnr": 63.78836199617945
}