{
  "aor": 0.007676631578947369,
  "aqi": 0.015448368052631578,
  "bids_meta": {
    "AcquisitionDateTime": "2015-07-28T12:16:30.900000",
    "AcquisitionMatrixPE": 64,
    "AcquisitionNumber": 1,
    "AcquisitionTime": "12:16:30.900000",
    "BandwidthPerPixelPhaseEncode": 63.776,
    "BaseResolution": 64,
    "BodyPartExamined": "BRAIN",
    "ConsistencyInfo": "N4_VD13D_LATEST_20130810",
    "ConversionSoftware": "dcm2niix",
    "ConversionSoftwareVersion": "v1.0.20181114  (JP2:OpenJPEG) GCC4.8.4",
    "DerivedVendorReportedEchoSpacing": 0.000489996,
    "Description": "Participants view short blocks of scrambled, scene or object images. The purpose of this task is to enable localization of scene and object-category selective visual cortex. These image types are labeled in the Type column for the events",
    "DeviceSerialNumber": "67025",
    "DwellTime": 3.1e-06,
    "EchoTime": 0.025,
    "EchoTrainLength": 32,
    "EffectiveEchoSpacing": 0.000244998,
    "FlipAngle": 90,
    "ImageOrientationPatientDICOM": [
      0.997364,
      -0.054835,
      0.0475246,
      0.0630622,
      0.979004,
      -0.193843
    ],
    "ImageType": [
      "ORIGINAL",
      "PRIMARY",
      "M",
      "ND",
      "NORM",
      "MOSAIC"
    ],
    "ImagingFrequency": 123.225,
    "InPlanePhaseEncodingDirectionDICOM": "ROW",
    "InstitutionAddress": "McClintock_3520A_Los_Angeles_SVC0e0594213b1104_CA_US_90089",
    "InstitutionName": "USC",
    "InstitutionalDepartmentName": "Department",
    "MRAcquisitionType": "2D",
    "MagneticFieldStrength": 3,
    "Manufacturer": "Siemens",
    "ManufacturersModelName": "Prisma_fit",
    "Modality": "MR",
    "ParallelReductionFactorInPlane": 2,
    "PartialFourier": 1,
    "PatientID": "15.07.28-12:04:02-DST-1.3.12.2.1107.5.2.43.67025",
    "PatientPosition": "HFS",
    "PatientSex": "M",
    "PatientWeight": 70.3068,
    "PercentPhaseFOV": 100,
    "PhaseEncodingDirection": "i-",
    "PhaseEncodingSteps": 64,
    "PhaseResolution": 1,
    "PixelBandwidth": 2520,
    "ProcedureStepDescription": "Mara_David",
    "ProtocolName": "frmi-localizering",
    "PulseSequenceDetails": "%SiemensSeq%_ep2d_pace",
    "ReceiveCoilActiveElements": "HEA;HEP",
    "ReceiveCoilName": "Head_32",
    "ReconMatrixPE": 64,
    "RepetitionTime": 2,
    "SAR": 0.138088,
    "ScanOptions": "FS",
    "ScanningSequence": "EP",
    "SequenceName": "_epfid2d1_64",
    "SequenceVariant": "SK",
    "SeriesDescription": "frmi-localizering",
    "SeriesInstanceUID": "1.3.12.2.1107.5.2.43.67025.2015072812153815710627263.0.0.0",
    "SeriesNumber": 6,
    "ShimSetting": [
      -7804,
      -10318,
      11765,
      476,
      -24,
      93,
      146,
      26
    ],
    "SliceThickness": 3,
    "SliceTiming": [
      0,
      1.0125,
      0.0475,
      1.0625,
      0.095,
      1.11,
      0.145,
      1.1575,
      0.1925,
      1.2075,
      0.24,
      1.255,
      0.29,
      1.3025,
      0.3375,
      1.3525,
      0.385,
      1.4,
      0.435,
      1.4475,
      0.4825,
      1.4975,
      0.53,
      1.545,
      0.58,
      1.5925,
      0.6275,
      1.6425,
      0.675,
      1.69,
      0.725,
      1.7375,
      0.7725,
      1.7875,
      0.82,
      1.835,
      0.87,
      1.8825,
      0.9175,
      1.93,
      0.965
    ],
    "SoftwareVersions": "syngo_MR_D13D",
    "SpacingBetweenSlices": 3,
    "StationName": "MRC35039",
    "StudyID": "1",
    "StudyInstanceUID": "1.3.12.2.1107.5.2.43.67025.30000015072815584627500000010",
    "TaskName": "PPA/LOC functional Localizer",
    "TotalReadoutTime": 0.0154349,
    "TxRefAmp": 256.876,
    "dataset": "ds002011",
    "modality": "bold",
    "subject_id": "08",
    "task_id": "ppalocalizer"
  },
  "dummy_trs": 0,
  "dvars_nstd": 27.91663515994711,
  "dvars_std": 1.1381726957142857,
  "dvars_vstd": 1.0401089871957676,
  "efc": 0.6087139588704024,
  "fber": 1200.7613525390625,
  "fd_mean": 0.3253341039312907,
  "fd_num": 114,
  "fd_perc": 60.0,
  "fwhm_avg": 1.5989444444444445,
  "fwhm_x": 1.5663600000000002,
  "fwhm_y": 1.6933633333333333,
  "fwhm_z": 1.53711,
  "gcor": 0.0414416,
  "gsr_x": 0.017735758796334267,
  "gsr_y": 0.024790065363049507,
  "provenance": {
    "md5sum": "1ffde392b563c3bb29e00190c854717b",
    "settings": {
      "fd_thres": 0.2,
      "testing": false
    },
    "software": "mriqc",
    "version": "22.0.6",
    "webapi_port": null,
    "webapi_url": "https://mriqc.nimh.nih.gov/api/v1"
  },
  "size_t": 190,
  "size_x": 64,
  "size_y": 64,
  "size_z": 41,
  "snr": 7.726052944858852,
  "spacing_tr": 2.0,
  "spacing_x": 3.0,
  "spacing_y": 3.0,
  "spacing_z": 3.0,
  "summary_bg_k": 15.58477545977128,
  "summary_bg_mad": 10.581098861155967,
  "summary_bg_mean": 30.857229232788086,
  "summary_bg_median": 12.294737815856934,
  "summary_bg_n": 85697.0,
  "summary_bg_p05": 3.700000047683716,
  "summary_bg_p95": 123.60105895996092,
  "summary_bg_stdv": 48.42374801635742,
  "summary_fg_k": 2.308368936237704,
  "summary_fg_mad": 50.56457215934929,
  "summary_fg_mean": 428.5743713378906,
  "summary_fg_median": 426.4316101074219,
  "summary_fg_n": 43676.0,
  "summary_fg_p05": 343.37237548828125,
  "summary_fg_p95": 516.9776458740234,
  "summary_fg_stdv": 55.1933479309082,
  "tsnr": 47.991934110294096
}