{
  "aor": 0.0006777368421052631,
  "aqi": 0.007076159263157895,
  "bids_meta": {
    "AcquisitionDateTime": "2015-08-05T11:02:40.460000",
    "AcquisitionMatrixPE": 64,
    "AcquisitionNumber": 1,
    "AcquisitionTime": "11:02:40.460000",
    "BandwidthPerPixelPhaseEncode": 63.776,
    "BaseResolution": 64,
    "BodyPartExamined": "BRAIN",
    "ConsistencyInfo": "N4_VD13D_LATEST_20130810",
    "ConversionSoftware": "dcm2niix",
    "ConversionSoftwareVersion": "v1.0.20181114  (JP2:OpenJPEG) GCC4.8.4",
    "DerivedVendorReportedEchoSpacing": 0.000489996,
    "Description": "Participants view short blocks of scrambled, scene or object images. The purpose of this task is to enable localization of scene and object-category selective visual cortex. These image types are labeled in the Type column for the events",
    "DeviceSerialNumber": "67025",
    "DwellTime": 3.1e-06,
    "EchoTime": 0.025,
    "EchoTrainLength": 32,
    "EffectiveEchoSpacing": 0.000244998,
    "FlipAngle": 90,
    "ImageOrientationPatientDICOM": [
      0.997439,
      -0.0364187,
      0.0615619,
      0.054808,
      0.942161,
      -0.33065
    ],
    "ImageType": [
      "ORIGINAL",
      "PRIMARY",
      "M",
      "ND",
      "NORM",
      "MOSAIC"
    ],
    "ImagingFrequency": 123.225,
    "InPlanePhaseEncodingDirectionDICOM": "ROW",
    "InstitutionAddress": "McClintock_3520A_Los_Angeles_SVC0e0594213b1104_CA_US_90089",
    "InstitutionName": "USC",
    "InstitutionalDepartmentName": "Department",
    "MRAcquisitionType": "2D",
    "MagneticFieldStrength": 3,
    "Manufacturer": "Siemens",
    "ManufacturersModelName": "Prisma_fit",
    "Modality": "MR",
    "ParallelReductionFactorInPlane": 2,
    "PartialFourier": 1,
    "PatientID": "15.08.05-10:47:25-DST-1.3.12.2.1107.5.2.43.67025",
    "PatientPosition": "HFS",
    "PatientSex": "F",
    "PatientWeight": 54.4311,
    "PercentPhaseFOV": 100,
    "PhaseEncodingDirection": "i-",
    "PhaseEncodingSteps": 64,
    "PhaseResolution": 1,
    "PixelBandwidth": 2520,
    "ProcedureStepDescription": "Mara_David",
    "ProtocolName": "frmi-sensory",
    "PulseSequenceDetails": "%SiemensSeq%_ep2d_pace",
    "ReceiveCoilActiveElements": "HEA;HEP",
    "ReceiveCoilName": "Head_32",
    "ReconMatrixPE": 64,
    "RepetitionTime": 2,
    "SAR": 0.120185,
    "ScanOptions": "FS",
    "ScanningSequence": "EP",
    "SequenceName": "_epfid2d1_64",
    "SequenceVariant": "SK",
    "SeriesDescription": "frmi-sensory",
    "SeriesInstanceUID": "1.3.12.2.1107.5.2.43.67025.2015080511011613375538605.0.0.0",
    "SeriesNumber": 5,
    "ShimSetting": [
      -7785,
      -10306,
      11769,
      505,
      25,
      15,
      30,
      -58
    ],
    "SliceThickness": 3,
    "SliceTiming": [
      0,
      1.015,
      0.0475,
      1.0625,
      0.0975,
      1.11,
      0.145,
      1.16,
      0.1925,
      1.2075,
      0.2425,
      1.255,
      0.29,
      1.305,
      0.3375,
      1.3525,
      0.3875,
      1.4,
      0.435,
      1.45,
      0.4825,
      1.4975,
      0.5325,
      1.545,
      0.58,
      1.595,
      0.6275,
      1.6425,
      0.6775,
      1.69,
      0.725,
      1.74,
      0.7725,
      1.7875,
      0.8225,
      1.835,
      0.87,
      1.8825,
      0.9175,
      1.9325,
      0.965
    ],
    "SoftwareVersions": "syngo_MR_D13D",
    "SpacingBetweenSlices": 3,
    "StationName": "MRC35039",
    "StudyID": "1",
    "StudyInstanceUID": "1.3.12.2.1107.5.2.43.67025.30000015080515453632500000004",
    "TaskName": "PPA/LOC functional Localizer",
    "TotalReadoutTime": 0.0154349,
    "TxRefAmp": 230.64,
    "dataset": "ds002011",
    "modality": "bold",
    "subject_id": "14",
    "task_id": "ppalocalizer"
  },
  "dummy_trs": 0,
  "dvars_nstd": 20.807660915291,
  "dvars_std": 1.1604423270370372,
  "dvars_vstd": 1.010611913703704,
  "efc": 0.5868327983209138,
  "fber": 1551.423095703125,
  "fd_mean": 0.05760807772976587,
  "fd_num": 0,
  "fd_perc": 0.0,
  "fwhm_avg": 1.53121,
  "fwhm_x": 1.4411466666666666,
  "fwhm_y": 1.5883900000000002,
  "fwhm_z": 1.5640933333333333,
  "gcor": 0.0343911,
  "gsr_x": 0.012384146451950073,
  "gsr_y": 0.02395632490515709,
  "provenance": {
    "md5sum": "0cd5fdf702e056d6b07f3eedd48de628",
    "settings": {
      "fd_thres": 0.2,
      "testing": false
    },
    "software": "mriqc",
    "version": "22.0.6",
    "webapi_port": null,
    "webapi_url": "https://mriqc.nimh.nih.gov/api/v1"
  },
  "size_t": 190,
  "size_x": 64,
  "size_y": 64,
  "size_z": 41,
  "snr": 8.141091644740076,
  "spacing_tr": 2.0,
  "spacing_x": 3.0,
  "spacing_y": 3.0,
  "spacing_z": 3.0,
  "summary_bg_k": 16.67883363716514,
  "summary_bg_mad": 7.288160572874438,
  "summary_bg_mean": 24.73133087158203,
  "summary_bg_median": 10.36842155456543,
  "summary_bg_n": 88165.0,
  "summary_bg_p05": 4.247368812561035,
  "summary_bg_p95": 99.75263214111328,
  "summary_bg_stdv": 40.74082946777344,
  "summary_fg_k": 2.3883120812691434,
  "summary_fg_mad": 50.42408510220635,
  "summary_fg_mean": 414.8288269042969,
  "summary_fg_median": 413.9368591308594,
  "summary_fg_n": 41644.0,
  "summary_fg_p05": 340.95263671875,
  "summary_fg_p95": 495.08792877197266,
  "summary_fg_stdv": 50.844764709472656,
  "tsnr": 76.58404909004457
}