{
  "aor": 0.0008093684210526318,
  "aqi": 0.008768018684210526,
  "bids_meta": {
    "AcquisitionDateTime": "2015-07-29T15:04:47.275000",
    "AcquisitionMatrixPE": 64,
    "AcquisitionNumber": 1,
    "AcquisitionTime": "15:04:47.275000",
    "BandwidthPerPixelPhaseEncode": 63.776,
    "BaseResolution": 64,
    "BodyPartExamined": "BRAIN",
    "ConsistencyInfo": "N4_VD13D_LATEST_20130810",
    "ConversionSoftware": "dcm2niix",
    "ConversionSoftwareVersion": "v1.0.20181114  (JP2:OpenJPEG) GCC4.8.4",
    "DerivedVendorReportedEchoSpacing": 0.000489996,
    "Description": "Participants view short blocks of scrambled, scene or object images. The purpose of this task is to enable localization of scene and object-category selective visual cortex. These image types are labeled in the Type column for the events",
    "DeviceSerialNumber": "67025",
    "DwellTime": 3.1e-06,
    "EchoTime": 0.025,
    "EchoTrainLength": 32,
    "EffectiveEchoSpacing": 0.000244998,
    "FlipAngle": 90,
    "ImageOrientationPatientDICOM": [
      0.999788,
      -0.0161149,
      0.0127927,
      0.0168382,
      0.998139,
      -0.058606
    ],
    "ImageType": [
      "ORIGINAL",
      "PRIMARY",
      "M",
      "ND",
      "NORM",
      "MOSAIC"
    ],
    "ImagingFrequency": 123.225,
    "InPlanePhaseEncodingDirectionDICOM": "ROW",
    "InstitutionAddress": "McClintock_3520A_Los_Angeles_SVC0e0594213b1104_CA_US_90089",
    "InstitutionName": "USC",
    "InstitutionalDepartmentName": "Department",
    "MRAcquisitionType": "2D",
    "MagneticFieldStrength": 3,
    "Manufacturer": "Siemens",
    "ManufacturersModelName": "Prisma_fit",
    "Modality": "MR",
    "ParallelReductionFactorInPlane": 2,
    "PartialFourier": 1,
    "PatientID": "15.07.29-14:50:50-DST-1.3.12.2.1107.5.2.43.67025",
    "PatientPosition": "HFS",
    "PatientSex": "F",
    "PatientWeight": 55.3383,
    "PercentPhaseFOV": 100,
    "PhaseEncodingDirection": "i-",
    "PhaseEncodingSteps": 64,
    "PhaseResolution": 1,
    "PixelBandwidth": 2520,
    "ProcedureStepDescription": "Mara_David",
    "ProtocolName": "frmi-localizering",
    "PulseSequenceDetails": "%SiemensSeq%_ep2d_pace",
    "ReceiveCoilActiveElements": "HEA;HEP",
    "ReceiveCoilName": "Head_32",
    "ReconMatrixPE": 64,
    "RepetitionTime": 2,
    "SAR": 0.105232,
    "ScanOptions": "FS",
    "ScanningSequence": "EP",
    "SequenceName": "_epfid2d1_64",
    "SequenceVariant": "SK",
    "SeriesDescription": "frmi-localizering",
    "SeriesInstanceUID": "1.3.12.2.1107.5.2.43.67025.2015072915031559701509487.0.0.0",
    "SeriesNumber": 6,
    "ShimSetting": [
      -7796,
      -10313,
      11817,
      556,
      23,
      88,
      165,
      -15
    ],
    "SliceThickness": 3,
    "SliceTiming": [
      0,
      1.015,
      0.0475,
      1.0625,
      0.0975,
      1.11,
      0.145,
      1.16,
      0.1925,
      1.2075,
      0.2425,
      1.255,
      0.29,
      1.305,
      0.3375,
      1.3525,
      0.3875,
      1.4,
      0.435,
      1.4475,
      0.4825,
      1.4975,
      0.53,
      1.545,
      0.58,
      1.5925,
      0.6275,
      1.6425,
      0.675,
      1.69,
      0.725,
      1.7375,
      0.7725,
      1.7875,
      0.82,
      1.835,
      0.87,
      1.8825,
      0.9175,
      1.9325,
      0.965
    ],
    "SoftwareVersions": "syngo_MR_D13D",
    "SpacingBetweenSlices": 3,
    "StationName": "MRC35039",
    "StudyID": "1",
    "StudyInstanceUID": "1.3.12.2.1107.5.2.43.67025.30000015072915444157400000013",
    "TaskName": "PPA/LOC functional Localizer",
    "TotalReadoutTime": 0.0154349,
    "TxRefAmp": 220.449,
    "dataset": "ds002011",
    "modality": "bold",
    "subject_id": "10",
    "task_id": "ppalocalizer"
  },
  "dummy_trs": 0,
  "dvars_nstd": 21.65633897941799,
  "dvars_std": 1.2479969190476188,
  "dvars_vstd": 1.008455443756614,
  "efc": 0.5518665758109361,
  "fber": 2120.903076171875,
  "fd_mean": 0.07760100205468258,
  "fd_num": 0,
  "fd_perc": 0.0,
  "fwhm_avg": 1.5468300000000001,
  "fwhm_x": 1.4510666666666667,
  "fwhm_y": 1.6691900000000002,
  "fwhm_z": 1.5202333333333333,
  "gcor": 0.0183572,
  "gsr_x": 0.0054929801262915134,
  "gsr_y": 0.029904894530773163,
  "provenance": {
    "md5sum": "dbcbe204a2afff8aa8e963ee819fd29c",
    "settings": {
      "fd_thres": 0.2,
      "testing": false
    },
    "software": "mriqc",
    "version": "22.0.6",
    "webapi_port": null,
    "webapi_url": "https://mriqc.nimh.nih.gov/api/v1"
  },
  "size_t": 190,
  "size_x": 64,
  "size_y": 64,
  "size_z": 41,
  "snr": 8.625522747513282,
  "spacing_tr": 2.0,
  "spacing_x": 3.0,
  "spacing_y": 3.0,
  "spacing_z": 3.0,
  "summary_bg_k": 24.920514795741255,
  "summary_bg_mad": 6.9214117295421795,
  "summary_bg_mean": 22.25665283203125,
  "summary_bg_median": 9.6578950881958,
  "summary_bg_n": 94356.0,
  "summary_bg_p05": 3.763158082962036,
  "summary_bg_p95": 81.14736938476562,
  "summary_bg_stdv": 37.63269805908203,
  "summary_fg_k": 4.68437036139793,
  "summary_fg_mad": 46.23379280602257,
  "summary_fg_mean": 444.3637390136719,
  "summary_fg_median": 444.0315856933594,
  "summary_fg_n": 36808.0,
  "summary_fg_p05": 370.12291107177737,
  "summary_fg_p95": 522.9192443847656,
  "summary_fg_stdv": 51.47810363769531,
  "tsnr": 77.23259759042412
}