{
  "aor": 0.0009242076502732242,
  "aqi": 0.006744783333333332,
  "bids_meta": {
    "AcquisitionDateTime": "2015-10-05T15:27:12.117500",
    "AcquisitionMatrixPE": 64,
    "AcquisitionNumber": 1,
    "AcquisitionTime": "15:27:12.117500",
    "BandwidthPerPixelPhaseEncode": 63.776,
    "BaseResolution": 64,
    "BodyPartExamined": "BRAIN",
    "ConsistencyInfo": "N4_VD13D_LATEST_20130810",
    "ConversionSoftware": "dcm2niix",
    "ConversionSoftwareVersion": "v1.0.20181114  (JP2:OpenJPEG) GCC4.8.4",
    "DerivedVendorReportedEchoSpacing": 0.000489996,
    "Description": "participants must memorize a background scene and ignore a transparent foreground object. Trials begin with a money cue telling participants whether they can potentially lose money contingent on their memory for scenes. Half the trials are motivated by threat, in which participants are told they will lose 50 cents if they forget the scene on later on. On the other half of trials, participants must memorize the scene but there is no risk of losing money. The trials conclude with three scrambled image that are used for modeling an active baseline in the analyses",
    "DeviceSerialNumber": "67025",
    "DwellTime": 3.1e-06,
    "EchoTime": 0.025,
    "EchoTrainLength": 32,
    "EffectiveEchoSpacing": 0.000244998,
    "FlipAngle": 90,
    "ImageOrientationPatientDICOM": [
      0.999509,
      0.00637091,
      -0.0306783,
      -0.0115759,
      0.984922,
      -0.172611
    ],
    "ImageType": [
      "ORIGINAL",
      "PRIMARY",
      "M",
      "ND",
      "NORM",
      "MOSAIC"
    ],
    "ImagingFrequency": 123.226,
    "InPlanePhaseEncodingDirectionDICOM": "ROW",
    "InstitutionAddress": "McClintock_3520A_Los_Angeles_SVC0e0594213b1104_CA_US_90089",
    "InstitutionName": "USC",
    "InstitutionalDepartmentName": "Department",
    "MRAcquisitionType": "2D",
    "MagneticFieldStrength": 3,
    "Manufacturer": "Siemens",
    "ManufacturersModelName": "Prisma_fit",
    "Modality": "MR",
    "ParallelReductionFactorInPlane": 2,
    "PartialFourier": 1,
    "PatientID": "15.10.05-14:35:49-DST-1.3.12.2.1107.5.2.43.67025",
    "PatientPosition": "HFS",
    "PatientSex": "F",
    "PatientWeight": 53.5239,
    "PercentPhaseFOV": 100,
    "PhaseEncodingDirection": "i-",
    "PhaseEncodingSteps": 64,
    "PhaseResolution": 1,
    "PixelBandwidth": 2520,
    "ProcedureStepDescription": "Mara_David",
    "ProtocolName": "frmi-overlap",
    "PulseSequenceDetails": "%SiemensSeq%_ep2d_pace",
    "ReceiveCoilActiveElements": "HEA;HEP",
    "ReceiveCoilName": "Head_32",
    "ReconMatrixPE": 64,
    "RepetitionTime": 2,
    "SAR": 0.111457,
    "ScanOptions": "FS",
    "ScanningSequence": "EP",
    "SequenceName": "_epfid2d1_64",
    "SequenceVariant": "SK",
    "SeriesDescription": "frmi-overlap",
    "SeriesInstanceUID": "1.3.12.2.1107.5.2.43.67025.2015100515264496670034254.0.0.0",
    "SeriesNumber": 9,
    "ShimSetting": [
      -7955,
      -10048,
      11448,
      266,
      -496,
      727,
      -203,
      140
    ],
    "SliceThickness": 3,
    "SliceTiming": [
      0,
      1.0125,
      0.0475,
      1.0625,
      0.095,
      1.11,
      0.145,
      1.1575,
      0.1925,
      1.2075,
      0.24,
      1.255,
      0.29,
      1.3025,
      0.3375,
      1.3525,
      0.385,
      1.4,
      0.435,
      1.4475,
      0.4825,
      1.495,
      0.53,
      1.545,
      0.5775,
      1.5925,
      0.6275,
      1.64,
      0.675,
      1.69,
      0.7225,
      1.7375,
      0.7725,
      1.785,
      0.82,
      1.835,
      0.8675,
      1.8825,
      0.9175,
      1.93,
      0.965
    ],
    "SoftwareVersions": "syngo_MR_D13D",
    "SpacingBetweenSlices": 3,
    "StationName": "MRC35039",
    "StudyID": "1",
    "StudyInstanceUID": "1.3.12.2.1107.5.2.43.67025.30000015100515450757900000010",
    "TaskName": "Overlap (Monetary Encoding Incentive) Task",
    "TotalReadoutTime": 0.0154349,
    "TxRefAmp": 226.87,
    "dataset": "ds002011",
    "modality": "bold",
    "run_id": 3,
    "subject_id": "21",
    "task_id": "Overlap"
  },
  "dummy_trs": 0,
  "dvars_nstd": 20.09435590846155,
  "dvars_std": 1.100089648901099,
  "dvars_vstd": 1.0076682136263737,
  "efc": 0.5691483014785987,
  "fber": 1581.9527587890625,
  "fd_mean": 0.13956705715812537,
  "fd_num": 32,
  "fd_perc": 17.48633879781421,
  "fwhm_avg": 1.6963855555555556,
  "fwhm_x": 1.59494,
  "fwhm_y": 1.81281,
  "fwhm_z": 1.6814066666666667,
  "gcor": 0.0113556,
  "gsr_x": 0.002356114564463496,
  "gsr_y": 0.023753905668854713,
  "provenance": {
    "md5sum": "2c6da44529b7622c1ee84988741b2cd9",
    "settings": {
      "fd_thres": 0.2,
      "testing": false
    },
    "software": "mriqc",
    "version": "22.0.6",
    "webapi_port": null,
    "webapi_url": "https://mriqc.nimh.nih.gov/api/v1"
  },
  "size_t": 183,
  "size_x": 64,
  "size_y": 64,
  "size_z": 41,
  "snr": 7.135034112250789,
  "spacing_tr": 2.0,
  "spacing_x": 3.0,
  "spacing_y": 3.0,
  "spacing_z": 3.0,
  "summary_bg_k": 21.957274172099797,
  "summary_bg_mad": 8.134058509650737,
  "summary_bg_mean": 24.859682083129883,
  "summary_bg_median": 11.289617538452148,
  "summary_bg_n": 91366.0,
  "summary_bg_p05": 4.25683069229126,
  "summary_bg_p95": 96.39617156982422,
  "summary_bg_stdv": 37.48606872558594,
  "summary_fg_k": 1.8284674886733088,
  "summary_fg_mad": 58.19417312065129,
  "summary_fg_mean": 456.9919128417969,
  "summary_fg_median": 452.21856689453125,
  "summary_fg_n": 39265.0,
  "summary_fg_p05": 365.3016296386719,
  "summary_fg_p95": 564.5311157226561,
  "summary_fg_stdv": 63.379207611083984,
  "tsnr": 71.88934344914742
}