{
  "aor": 0.0019372105263157895,
  "aqi": 0.010212823210526314,
  "bids_meta": {
    "AcquisitionDateTime": "2015-08-03T11:10:20.775000",
    "AcquisitionMatrixPE": 64,
    "AcquisitionNumber": 1,
    "AcquisitionTime": "11:10:20.775000",
    "BandwidthPerPixelPhaseEncode": 63.776,
    "BaseResolution": 64,
    "BodyPartExamined": "BRAIN",
    "ConsistencyInfo": "N4_VD13D_LATEST_20130810",
    "ConversionSoftware": "dcm2niix",
    "ConversionSoftwareVersion": "v1.0.20181114  (JP2:OpenJPEG) GCC4.8.4",
    "DerivedVendorReportedEchoSpacing": 0.000489996,
    "Description": "Participants view short blocks of scrambled, scene or object images. The purpose of this task is to enable localization of scene and object-category selective visual cortex. These image types are labeled in the Type column for the events",
    "DeviceSerialNumber": "67025",
    "DwellTime": 3.1e-06,
    "EchoTime": 0.025,
    "EchoTrainLength": 32,
    "EffectiveEchoSpacing": 0.000244998,
    "FlipAngle": 90,
    "ImageOrientationPatientDICOM": [
      0.999911,
      0.00628795,
      -0.0117246,
      -0.00805206,
      0.987554,
      -0.157077
    ],
    "ImageType": [
      "ORIGINAL",
      "PRIMARY",
      "M",
      "ND",
      "NORM",
      "MOSAIC"
    ],
    "ImagingFrequency": 123.225,
    "InPlanePhaseEncodingDirectionDICOM": "ROW",
    "InstitutionAddress": "McClintock_3520A_Los_Angeles_SVC0e0594213b1104_CA_US_90089",
    "InstitutionName": "USC",
    "InstitutionalDepartmentName": "Department",
    "MRAcquisitionType": "2D",
    "MagneticFieldStrength": 3,
    "Manufacturer": "Siemens",
    "ManufacturersModelName": "Prisma_fit",
    "Modality": "MR",
    "ParallelReductionFactorInPlane": 2,
    "PartialFourier": 1,
    "PatientID": "15.08.03-10:55:49-DST-1.3.12.2.1107.5.2.43.67025",
    "PatientPosition": "HFS",
    "PatientSex": "F",
    "PatientWeight": 50.8024,
    "PercentPhaseFOV": 100,
    "PhaseEncodingDirection": "i-",
    "PhaseEncodingSteps": 64,
    "PhaseResolution": 1,
    "PixelBandwidth": 2520,
    "ProcedureStepDescription": "Mara_David",
    "ProtocolName": "frmi-localizering",
    "PulseSequenceDetails": "%SiemensSeq%_ep2d_pace",
    "ReceiveCoilActiveElements": "HEA;HEP",
    "ReceiveCoilName": "Head_32",
    "ReconMatrixPE": 64,
    "RepetitionTime": 2,
    "SAR": 0.127174,
    "ScanOptions": "FS",
    "ScanningSequence": "EP",
    "SequenceName": "_epfid2d1_64",
    "SequenceVariant": "SK",
    "SeriesDescription": "frmi-localizering",
    "SeriesInstanceUID": "1.3.12.2.1107.5.2.43.67025.2015080311085026006238810.0.0.0",
    "SeriesNumber": 6,
    "ShimSetting": [
      -7809,
      -10306,
      11792,
      539,
      -1,
      109,
      -62,
      20
    ],
    "SliceThickness": 3,
    "SliceTiming": [
      0,
      1.015,
      0.05,
      1.0625,
      0.0975,
      1.11,
      0.145,
      1.16,
      0.1925,
      1.2075,
      0.2425,
      1.255,
      0.29,
      1.305,
      0.3375,
      1.3525,
      0.3875,
      1.4,
      0.435,
      1.45,
      0.4825,
      1.4975,
      0.5325,
      1.545,
      0.58,
      1.595,
      0.6275,
      1.6425,
      0.6775,
      1.69,
      0.725,
      1.74,
      0.7725,
      1.7875,
      0.8225,
      1.835,
      0.87,
      1.885,
      0.9175,
      1.9325,
      0.9675
    ],
    "SoftwareVersions": "syngo_MR_D13D",
    "SpacingBetweenSlices": 3,
    "StationName": "MRC35039",
    "StudyID": "1",
    "StudyInstanceUID": "1.3.12.2.1107.5.2.43.67025.30000015080315322871300000004",
    "TaskName": "PPA/LOC functional Localizer",
    "TotalReadoutTime": 0.0154349,
    "TxRefAmp": 229.898,
    "dataset": "ds002011",
    "modality": "bold",
    "subject_id": "11",
    "task_id": "ppalocalizer"
  },
  "dummy_trs": 0,
  "dvars_nstd": 27.26512328624339,
  "dvars_std": 1.3030561056084646,
  "dvars_vstd": 1.028385036084656,
  "efc": 0.5783046361501646,
  "fber": 1676.7049560546875,
  "fd_mean": 0.14073365340670274,
  "fd_num": 37,
  "fd_perc": 19.473684210526315,
  "fwhm_avg": 1.50141,
  "fwhm_x": 1.39218,
  "fwhm_y": 1.61646,
  "fwhm_z": 1.49559,
  "gcor": 0.0254624,
  "gsr_x": 0.011318357661366463,
  "gsr_y": 0.025966433808207512,
  "provenance": {
    "md5sum": "f128ce8b28090442fcfd5f902bb5b0e4",
    "settings": {
      "fd_thres": 0.2,
      "testing": false
    },
    "software": "mriqc",
    "version": "22.0.6",
    "webapi_port": null,
    "webapi_url": "https://mriqc.nimh.nih.gov/api/v1"
  },
  "size_t": 190,
  "size_x": 64,
  "size_y": 64,
  "size_z": 41,
  "snr": 7.717939205620742,
  "spacing_tr": 2.0,
  "spacing_x": 3.0,
  "spacing_y": 3.0,
  "spacing_z": 3.0,
  "summary_bg_k": 22.267743896407712,
  "summary_bg_mad": 6.461024642989829,
  "summary_bg_mean": 25.225461959838867,
  "summary_bg_median": 10.194737434387207,
  "summary_bg_n": 90339.0,
  "summary_bg_p05": 4.3684210777282715,
  "summary_bg_p95": 96.83895111083966,
  "summary_bg_stdv": 45.163516998291016,
  "summary_fg_k": 3.6233433595824485,
  "summary_fg_mad": 47.81003043990895,
  "summary_fg_mean": 419.8601989746094,
  "summary_fg_median": 416.631591796875,
  "summary_fg_n": 40325.0,
  "summary_fg_p05": 347.26633911132814,
  "summary_fg_p95": 507.6516113281249,
  "summary_fg_stdv": 53.981563568115234,
  "tsnr": 68.01660705544055
}