{
  "aor": 0.0017383157894736844,
  "aqi": 0.01249482352631579,
  "bids_meta": {
    "AcquisitionDateTime": "2015-07-27T11:09:5.250000",
    "AcquisitionMatrixPE": 64,
    "AcquisitionNumber": 1,
    "AcquisitionTime": "11:09:5.250000",
    "BandwidthPerPixelPhaseEncode": 63.776,
    "BaseResolution": 64,
    "BodyPartExamined": "BRAIN",
    "ConsistencyInfo": "N4_VD13D_LATEST_20130810",
    "ConversionSoftware": "dcm2niix",
    "ConversionSoftwareVersion": "v1.0.20181114  (JP2:OpenJPEG) GCC4.8.4",
    "DerivedVendorReportedEchoSpacing": 0.000489996,
    "Description": "Participants view short blocks of scrambled, scene or object images. The purpose of this task is to enable localization of scene and object-category selective visual cortex. These image types are labeled in the Type column for the events",
    "DeviceSerialNumber": "67025",
    "DwellTime": 3.1e-06,
    "EchoTime": 0.025,
    "EchoTrainLength": 32,
    "EffectiveEchoSpacing": 0.000244998,
    "FlipAngle": 90,
    "ImageOrientationPatientDICOM": [
      0.995816,
      -0.0729554,
      0.0550261,
      0.0835523,
      0.970776,
      -0.224974
    ],
    "ImageType": [
      "ORIGINAL",
      "PRIMARY",
      "M",
      "ND",
      "NORM",
      "MOSAIC"
    ],
    "ImagingFrequency": 123.225,
    "InPlanePhaseEncodingDirectionDICOM": "ROW",
    "InstitutionAddress": "McClintock_3520A_Los_Angeles_SVC0e0594213b1104_CA_US_90089",
    "InstitutionName": "USC",
    "InstitutionalDepartmentName": "Department",
    "MRAcquisitionType": "2D",
    "MagneticFieldStrength": 3,
    "Manufacturer": "Siemens",
    "ManufacturersModelName": "Prisma_fit",
    "Modality": "MR",
    "ParallelReductionFactorInPlane": 2,
    "PartialFourier": 1,
    "PatientID": "15.07.27-10:52:54-DST-1.3.12.2.1107.5.2.43.67025",
    "PatientPosition": "HFS",
    "PatientSex": "M",
    "PatientWeight": 74.8428,
    "PercentPhaseFOV": 100,
    "PhaseEncodingDirection": "i-",
    "PhaseEncodingSteps": 64,
    "PhaseResolution": 1,
    "PixelBandwidth": 2520,
    "ProcedureStepDescription": "Mara_David",
    "ProtocolName": "frmi-localizer",
    "PulseSequenceDetails": "%SiemensSeq%_ep2d_pace",
    "ReceiveCoilActiveElements": "HEA;HEP",
    "ReceiveCoilName": "Head_32",
    "ReconMatrixPE": 64,
    "RepetitionTime": 2,
    "SAR": 0.134209,
    "ScanOptions": "FS",
    "ScanningSequence": "EP",
    "SequenceName": "_epfid2d1_64",
    "SequenceVariant": "SK",
    "SeriesDescription": "frmi-localizer",
    "SeriesInstanceUID": "1.3.12.2.1107.5.2.43.67025.2015072711074363734155019.0.0.0",
    "SeriesNumber": 6,
    "ShimSetting": [
      -7785,
      -10346,
      11791,
      406,
      16,
      86,
      30,
      0
    ],
    "SliceThickness": 3,
    "SliceTiming": [
      0,
      1.015,
      0.05,
      1.0625,
      0.0975,
      1.1125,
      0.145,
      1.16,
      0.195,
      1.2075,
      0.2425,
      1.255,
      0.29,
      1.305,
      0.3375,
      1.3525,
      0.3875,
      1.4,
      0.435,
      1.45,
      0.4825,
      1.4975,
      0.5325,
      1.545,
      0.58,
      1.595,
      0.6275,
      1.6425,
      0.6775,
      1.69,
      0.725,
      1.74,
      0.7725,
      1.7875,
      0.8225,
      1.835,
      0.87,
      1.885,
      0.9175,
      1.9325,
      0.9675
    ],
    "SoftwareVersions": "syngo_MR_D13D",
    "SpacingBetweenSlices": 3,
    "StationName": "MRC35039",
    "StudyID": "1",
    "StudyInstanceUID": "1.3.12.2.1107.5.2.43.67025.30000015072716264073000000007",
    "TaskName": "PPA/LOC functional Localizer",
    "TotalReadoutTime": 0.0154349,
    "TxRefAmp": 260.069,
    "dataset": "ds002011",
    "modality": "bold",
    "subject_id": "07",
    "task_id": "ppalocalizer"
  },
  "dummy_trs": 0,
  "dvars_nstd": 25.39354573592592,
  "dvars_std": 1.210825944232803,
  "dvars_vstd": 1.0162527366666674,
  "efc": 0.6239694989349662,
  "fber": 1220.86376953125,
  "fd_mean": 0.11967991817631647,
  "fd_num": 25,
  "fd_perc": 13.157894736842104,
  "fwhm_avg": 1.48085,
  "fwhm_x": 1.4466233333333334,
  "fwhm_y": 1.49902,
  "fwhm_z": 1.4969066666666666,
  "gcor": 0.0140829,
  "gsr_x": 0.04270007088780403,
  "gsr_y": 0.02115745283663273,
  "provenance": {
    "md5sum": "dd9eb7479dea11adc36b167d90e4923d",
    "settings": {
      "fd_thres": 0.2,
      "testing": false
    },
    "software": "mriqc",
    "version": "22.0.6",
    "webapi_port": null,
    "webapi_url": "https://mriqc.nimh.nih.gov/api/v1"
  },
  "size_t": 190,
  "size_x": 64,
  "size_y": 64,
  "size_z": 41,
  "snr": 8.011307345872492,
  "spacing_tr": 2.0,
  "spacing_x": 3.0,
  "spacing_y": 3.0,
  "spacing_z": 3.0,
  "summary_bg_k": 7.276156243840733,
  "summary_bg_mad": 10.04268037656009,
  "summary_bg_mean": 37.267425537109375,
  "summary_bg_median": 11.789474487304688,
  "summary_bg_n": 85469.0,
  "summary_bg_p05": 4.142105579376221,
  "summary_bg_p95": 172.11685180664054,
  "summary_bg_stdv": 57.02951431274414,
  "summary_fg_k": 2.904640482383887,
  "summary_fg_mad": 50.931286361649946,
  "summary_fg_mean": 415.06988525390625,
  "summary_fg_median": 415.24212646484375,
  "summary_fg_n": 44917.0,
  "summary_fg_p05": 341.0558166503906,
  "summary_fg_p95": 495.80634765625,
  "summary_fg_stdv": 51.83142852783203,
  "tsnr": 57.971374028362334
}