{
  "aor": 0.0013128947368421053,
  "aqi": 0.008347127052631579,
  "bids_meta": {
    "AcquisitionDateTime": "2015-10-28T11:15:6.552500",
    "AcquisitionMatrixPE": 64,
    "AcquisitionNumber": 1,
    "AcquisitionTime": "11:15:6.552500",
    "BandwidthPerPixelPhaseEncode": 63.776,
    "BaseResolution": 64,
    "BodyPartExamined": "BRAIN",
    "ConsistencyInfo": "N4_VD13D_LATEST_20130810",
    "ConversionSoftware": "dcm2niix",
    "ConversionSoftwareVersion": "v1.0.20181114  (JP2:OpenJPEG) GCC4.8.4",
    "DerivedVendorReportedEchoSpacing": 0.000489996,
    "Description": "Participants view short blocks of scrambled, scene or object images. The purpose of this task is to enable localization of scene and object-category selective visual cortex. These image types are labeled in the Type column for the events",
    "DeviceSerialNumber": "67025",
    "DwellTime": 3.1e-06,
    "EchoTime": 0.025,
    "EchoTrainLength": 32,
    "EffectiveEchoSpacing": 0.000244998,
    "FlipAngle": 90,
    "ImageOrientationPatientDICOM": [
      0.999851,
      -0.00489183,
      0.0165379,
      0.00799597,
      0.981125,
      -0.193209
    ],
    "ImageType": [
      "ORIGINAL",
      "PRIMARY",
      "M",
      "ND",
      "NORM",
      "MOSAIC"
    ],
    "ImagingFrequency": 123.225,
    "InPlanePhaseEncodingDirectionDICOM": "ROW",
    "InstitutionAddress": "McClintock_3520A_Los_Angeles_SVC0e0594213b1104_CA_US_90089",
    "InstitutionName": "USC",
    "InstitutionalDepartmentName": "Department",
    "MRAcquisitionType": "2D",
    "MagneticFieldStrength": 3,
    "Manufacturer": "Siemens",
    "ManufacturersModelName": "Prisma_fit",
    "Modality": "MR",
    "ParallelReductionFactorInPlane": 2,
    "PartialFourier": 1,
    "PatientID": "15.10.28-11:00:37-DST-1.3.12.2.1107.5.2.43.67025",
    "PatientPosition": "HFS",
    "PatientSex": "M",
    "PatientWeight": 70.3068,
    "PercentPhaseFOV": 100,
    "PhaseEncodingDirection": "i-",
    "PhaseEncodingSteps": 64,
    "PhaseResolution": 1,
    "PixelBandwidth": 2520,
    "ProcedureStepDescription": "Mara_David",
    "ProtocolName": "frmi-sensory",
    "PulseSequenceDetails": "%SiemensSeq%_ep2d_pace",
    "ReceiveCoilActiveElements": "HEA;HEP",
    "ReceiveCoilName": "Head_32",
    "ReconMatrixPE": 64,
    "RepetitionTime": 2,
    "SAR": 0.141475,
    "ScanOptions": "FS",
    "ScanningSequence": "EP",
    "SequenceName": "_epfid2d1_64",
    "SequenceVariant": "SK",
    "SeriesDescription": "frmi-sensory",
    "SeriesInstanceUID": "1.3.12.2.1107.5.2.43.67025.2015102811132139715218546.0.0.0",
    "SeriesNumber": 6,
    "ShimSetting": [
      -7813,
      -10337,
      11797,
      572,
      14,
      -16,
      61,
      -46
    ],
    "SliceThickness": 3,
    "SliceTiming": [
      0,
      1.0125,
      0.0475,
      1.0625,
      0.095,
      1.11,
      0.145,
      1.1575,
      0.1925,
      1.2075,
      0.24,
      1.255,
      0.29,
      1.3025,
      0.3375,
      1.3525,
      0.385,
      1.4,
      0.435,
      1.4475,
      0.4825,
      1.4975,
      0.53,
      1.545,
      0.58,
      1.5925,
      0.6275,
      1.64,
      0.675,
      1.69,
      0.7225,
      1.7375,
      0.7725,
      1.785,
      0.82,
      1.835,
      0.8675,
      1.8825,
      0.9175,
      1.93,
      0.965
    ],
    "SoftwareVersions": "syngo_MR_D13D",
    "SpacingBetweenSlices": 3,
    "StationName": "MRC35039",
    "StudyID": "1",
    "StudyInstanceUID": "1.3.12.2.1107.5.2.43.67025.30000015102815433318000000007",
    "TaskName": "PPA/LOC functional Localizer",
    "TotalReadoutTime": 0.0154349,
    "TxRefAmp": 256.524,
    "dataset": "ds002011",
    "modality": "bold",
    "subject_id": "22",
    "task_id": "ppalocalizer"
  },
  "dummy_trs": 0,
  "dvars_nstd": 25.571244910793634,
  "dvars_std": 1.2202159422222223,
  "dvars_vstd": 1.0085929016402122,
  "efc": 0.5970280489029031,
  "fber": 1415.541015625,
  "fd_mean": 0.09109670754165582,
  "fd_num": 10,
  "fd_perc": 5.2631578947368425,
  "fwhm_avg": 1.5955955555555557,
  "fwhm_x": 1.5288066666666669,
  "fwhm_y": 1.6853666666666667,
  "fwhm_z": 1.5726133333333332,
  "gcor": 0.0198777,
  "gsr_x": 0.006022260989993811,
  "gsr_y": 0.03395148739218712,
  "provenance": {
    "md5sum": "f8268b00e60a7f6c41d6190703425849",
    "settings": {
      "fd_thres": 0.2,
      "testing": false
    },
    "software": "mriqc",
    "version": "22.0.6",
    "webapi_port": null,
    "webapi_url": "https://mriqc.nimh.nih.gov/api/v1"
  },
  "size_t": 190,
  "size_x": 64,
  "size_y": 64,
  "size_z": 41,
  "snr": 7.560087097332352,
  "spacing_tr": 2.0,
  "spacing_x": 3.0,
  "spacing_y": 3.0,
  "spacing_z": 3.0,
  "summary_bg_k": 10.539344522182358,
  "summary_bg_mad": 8.942432432643658,
  "summary_bg_mean": 31.06979751586914,
  "summary_bg_median": 11.36842155456543,
  "summary_bg_n": 88401.0,
  "summary_bg_p05": 3.952631711959839,
  "summary_bg_p95": 136.3157958984375,
  "summary_bg_stdv": 48.47939682006836,
  "summary_fg_k": 1.2387921433298654,
  "summary_fg_mad": 58.941265644820135,
  "summary_fg_mean": 434.4284973144531,
  "summary_fg_median": 432.21844482421875,
  "summary_fg_n": 41382.0,
  "summary_fg_p05": 351.48976440429686,
  "summary_fg_p95": 527.8402618408202,
  "summary_fg_stdv": 57.17040252685547,
  "tsnr": 65.61854154383764
}