{
  "aor": 0.003610842105263158,
  "aqi": 0.010059102368421054,
  "bids_meta": {
    "AcquisitionDateTime": "2015-08-03T14:05:5.425000",
    "AcquisitionMatrixPE": 64,
    "AcquisitionNumber": 1,
    "AcquisitionTime": "14:05:5.425000",
    "BandwidthPerPixelPhaseEncode": 63.776,
    "BaseResolution": 64,
    "BodyPartExamined": "BRAIN",
    "ConsistencyInfo": "N4_VD13D_LATEST_20130810",
    "ConversionSoftware": "dcm2niix",
    "ConversionSoftwareVersion": "v1.0.20181114  (JP2:OpenJPEG) GCC4.8.4",
    "DerivedVendorReportedEchoSpacing": 0.000489996,
    "Description": "Participants view short blocks of scrambled, scene or object images. The purpose of this task is to enable localization of scene and object-category selective visual cortex. These image types are labeled in the Type column for the events",
    "DeviceSerialNumber": "67025",
    "DwellTime": 3.1e-06,
    "EchoTime": 0.025,
    "EchoTrainLength": 32,
    "EffectiveEchoSpacing": 0.000244998,
    "FlipAngle": 90,
    "ImageOrientationPatientDICOM": [
      0.999664,
      0.0223804,
      0.0130621,
      -0.0174005,
      0.953268,
      -0.301624
    ],
    "ImageType": [
      "ORIGINAL",
      "PRIMARY",
      "M",
      "ND",
      "NORM",
      "MOSAIC"
    ],
    "ImagingFrequency": 123.225,
    "InPlanePhaseEncodingDirectionDICOM": "ROW",
    "InstitutionAddress": "McClintock_3520A_Los_Angeles_SVC0e0594213b1104_CA_US_90089",
    "InstitutionName": "USC",
    "InstitutionalDepartmentName": "Department",
    "MRAcquisitionType": "2D",
    "MagneticFieldStrength": 3,
    "Manufacturer": "Siemens",
    "ManufacturersModelName": "Prisma_fit",
    "Modality": "MR",
    "ParallelReductionFactorInPlane": 2,
    "PartialFourier": 1,
    "PatientID": "15.08.03-13:37:34-DST-1.3.12.2.1107.5.2.43.67025",
    "PatientPosition": "HFS",
    "PatientSex": "M",
    "PatientWeight": 59.4206,
    "PercentPhaseFOV": 100,
    "PhaseEncodingDirection": "i-",
    "PhaseEncodingSteps": 64,
    "PhaseResolution": 1,
    "PixelBandwidth": 2520,
    "ProcedureStepDescription": "Mara_David",
    "ProtocolName": "frmi-localizering",
    "PulseSequenceDetails": "%SiemensSeq%_ep2d_pace",
    "ReceiveCoilActiveElements": "HEA;HEP",
    "ReceiveCoilName": "Head_32",
    "ReconMatrixPE": 64,
    "RepetitionTime": 2,
    "SAR": 0.138678,
    "ScanOptions": "FS",
    "ScanningSequence": "EP",
    "SequenceName": "_epfid2d1_64",
    "SequenceVariant": "SK",
    "SeriesDescription": "frmi-localizering",
    "SeriesInstanceUID": "1.3.12.2.1107.5.2.43.67025.2015080314032632737157486.0.0.0",
    "SeriesNumber": 6,
    "ShimSetting": [
      -7790,
      -10339,
      11763,
      538,
      64,
      44,
      125,
      22
    ],
    "SliceThickness": 3,
    "SliceTiming": [
      0,
      1.0125,
      0.0475,
      1.0625,
      0.095,
      1.11,
      0.145,
      1.1575,
      0.1925,
      1.2075,
      0.24,
      1.255,
      0.29,
      1.3025,
      0.3375,
      1.3525,
      0.385,
      1.4,
      0.435,
      1.4475,
      0.4825,
      1.4975,
      0.53,
      1.545,
      0.58,
      1.5925,
      0.6275,
      1.6425,
      0.675,
      1.69,
      0.725,
      1.7375,
      0.7725,
      1.785,
      0.82,
      1.835,
      0.8675,
      1.8825,
      0.9175,
      1.93,
      0.965
    ],
    "SoftwareVersions": "syngo_MR_D13D",
    "SpacingBetweenSlices": 3,
    "StationName": "MRC35039",
    "StudyID": "1",
    "StudyInstanceUID": "1.3.12.2.1107.5.2.43.67025.30000015080315322871300000007",
    "TaskName": "PPA/LOC functional Localizer",
    "TotalReadoutTime": 0.0154349,
    "TxRefAmp": 245.99,
    "dataset": "ds002011",
    "modality": "bold",
    "subject_id": "12",
    "task_id": "ppalocalizer"
  },
  "dummy_trs": 0,
  "dvars_nstd": 22.567285820264555,
  "dvars_std": 1.118775101798942,
  "dvars_vstd": 1.0045498799470896,
  "efc": 0.6072196352278325,
  "fber": 1399.050048828125,
  "fd_mean": 0.11240197715409185,
  "fd_num": 20,
  "fd_perc": 10.526315789473685,
  "fwhm_avg": 1.6038744444444444,
  "fwhm_x": 1.5276233333333333,
  "fwhm_y": 1.66692,
  "fwhm_z": 1.6170799999999999,
  "gcor": 0.0433084,
  "gsr_x": 0.016896992921829224,
  "gsr_y": 0.0254557766020298,
  "provenance": {
    "md5sum": "57e8410c82a3d5ce6162aae9057cf01b",
    "settings": {
      "fd_thres": 0.2,
      "testing": false
    },
    "software": "mriqc",
    "version": "22.0.6",
    "webapi_port": null,
    "webapi_url": "https://mriqc.nimh.nih.gov/api/v1"
  },
  "size_t": 190,
  "size_x": 64,
  "size_y": 64,
  "size_z": 41,
  "snr": 8.175529256745573,
  "spacing_tr": 2.0,
  "spacing_x": 3.0,
  "spacing_y": 3.0,
  "spacing_z": 3.0,
  "summary_bg_k": 12.20343683508636,
  "summary_bg_mad": 7.881201601668645,
  "summary_bg_mean": 27.932415008544922,
  "summary_bg_median": 10.073684692382812,
  "summary_bg_n": 86647.0,
  "summary_bg_p05": 3.684210777282715,
  "summary_bg_p95": 123.50421371459954,
  "summary_bg_stdv": 45.54610061645508,
  "summary_fg_k": 3.527941808070965,
  "summary_fg_mad": 43.502665596106056,
  "summary_fg_mean": 383.4793395996094,
  "summary_fg_median": 383.46844482421875,
  "summary_fg_n": 43036.0,
  "summary_fg_p05": 314.1407928466797,
  "summary_fg_p95": 455.87371826171875,
  "summary_fg_stdv": 46.903873443603516,
  "tsnr": 61.3083645477891
}