{
  "aor": 0.0005439473684210526,
  "aqi": 0.00738116552631579,
  "bids_meta": {
    "AcquisitionMatrixPE": 64,
    "AcquisitionNumber": 1,
    "BandwidthPerPixelPhaseEncode": 63.776,
    "BodyPartExamined": "BRAIN",
    "ConsistencyInfo": "N4_VD13D_LATEST_20130810",
    "ConversionSoftware": "dcm2niix",
    "ConversionSoftwareVersion": "v1.0.20181114  (JP2:OpenJPEG) GCC4.8.4",
    "Description": "Participants view short blocks of scrambled, scene or object images. The purpose of this task is to enable localization of scene and object-category selective visual cortex. These image types are labeled in the Type column for the events",
    "DeviceSerialNumber": "67025",
    "EchoTime": 0.25,
    "EchoTrainLength": 32,
    "FlipAngle": 90,
    "ImageType": [
      "ORIGINAL",
      "PRIMARY",
      "M",
      "ND",
      "NORM",
      "MOSAIC"
    ],
    "ImagingFrequency": 123.225,
    "InPlanePhaseEncodingDirectionDICOM": "ROW",
    "InstitutionAddress": "McClintock_3520A_Los_Angeles_SVC0e0594213b1104_CA_US_90089",
    "InstitutionName": "USC",
    "InstitutionalDepartmentName": "Department",
    "MRAcquisitionType": "2D",
    "MagneticFieldStrength": 3,
    "Manufacturer": "Siemens",
    "ManufacturersModelName": "Prisma_fit",
    "Modality": "MR",
    "ParallelReductionFactorInPlane": 2,
    "PatientID": "15.07.23-10:51:18-DST-1.3.12.2.1107.5.2.43.67025",
    "PatientPosition": "HFS",
    "PatientSex": "F",
    "PatientWeight": 61.235,
    "PercentPhaseFOV": 100,
    "PhaseEncodingSteps": 64,
    "PhaseResolution": 1,
    "ProcedureStepDescription": "Mara_David",
    "ProtocolName": "frmi-localizer",
    "PulseSequenceDetails": "%SiemensSeq%_ep2d_pace",
    "ReceiveCoilActiveElements": "HEA;HEP",
    "ReceiveCoilName": "Head_32",
    "ReconMatrixPE": 64,
    "RepetitionTime": 2.0,
    "ScanOptions": "FS",
    "ScanningSequence": "EP",
    "SequenceName": "_epfid2d1_64",
    "SequenceVariant": "SK",
    "SeriesDescription": "frmi-localizer",
    "SeriesInstanceUID": "1.3.12.2.1107.5.2.43.67025.2015072410120026699149726.0.0.0",
    "SliceThickness": 3,
    "SoftwareVersions": "syngo_MR_D13D",
    "SpacingBetweenSlices": 3,
    "StationName": "MRC35039",
    "StudyID": "1",
    "StudyInstanceUID": "1.3.12.2.1107.5.2.43.67025.30000015072415292407100000007",
    "TaskName": "PPA/LOC functional Localizer",
    "dataset": "ds002011",
    "modality": "bold",
    "subject_id": "05",
    "task_id": "ppalocalizer"
  },
  "dummy_trs": 0,
  "dvars_nstd": 20.170585410529107,
  "dvars_std": 1.1776155264550265,
  "dvars_vstd": 1.0043164254497359,
  "efc": 0.5579445384163849,
  "fber": 1689.2503662109375,
  "fd_mean": 0.026175343119516893,
  "fd_num": 0,
  "fd_perc": 0.0,
  "fwhm_avg": 1.5167344444444446,
  "fwhm_x": 1.4237900000000001,
  "fwhm_y": 1.6035033333333333,
  "fwhm_z": 1.5229100000000002,
  "gcor": 0.0257872,
  "gsr_x": 0.01171360444277525,
  "gsr_y": 0.022096998989582062,
  "provenance": {
    "md5sum": "86df8509bbd567d85b956d5731e23686",
    "settings": {
      "fd_thres": 0.2,
      "testing": false
    },
    "software": "mriqc",
    "version": "22.0.6",
    "webapi_port": null,
    "webapi_url": "https://mriqc.nimh.nih.gov/api/v1"
  },
  "size_t": 190,
  "size_x": 64,
  "size_y": 64,
  "size_z": 41,
  "snr": 8.842661416074488,
  "spacing_tr": 2.0,
  "spacing_x": 3.0,
  "spacing_y": 3.0,
  "spacing_z": 3.0,
  "summary_bg_k": 17.082797657240945,
  "summary_bg_mad": 7.670515554423436,
  "summary_bg_mean": 24.503021240234375,
  "summary_bg_median": 9.652631759643555,
  "summary_bg_n": 96079.0,
  "summary_bg_p05": 3.3842105865478516,
  "summary_bg_p95": 98.15947723388658,
  "summary_bg_stdv": 42.387874603271484,
  "summary_fg_k": 4.043013296695946,
  "summary_fg_mad": 41.53627662768068,
  "summary_fg_mean": 396.751220703125,
  "summary_fg_median": 396.5105285644531,
  "summary_fg_n": 35686.0,
  "summary_fg_p05": 330.6355514526367,
  "summary_fg_p95": 465.8329086303711,
  "summary_fg_stdv": 44.840003967285156,
  "tsnr": 77.84762844443321
}