{
  "aor": 0.010425473684210526,
  "aqi": 0.02418232815789473,
  "bids_meta": {
    "AcquisitionDateTime": "2015-07-16T16:03:6.395000",
    "AcquisitionMatrixPE": 64,
    "AcquisitionNumber": 1,
    "AcquisitionTime": "16:03:6.395000",
    "BandwidthPerPixelPhaseEncode": 63.776,
    "BaseResolution": 64,
    "BodyPartExamined": "BRAIN",
    "ConsistencyInfo": "N4_VD13D_LATEST_20130810",
    "ConversionSoftware": "dcm2niix",
    "ConversionSoftwareVersion": "v1.0.20181114  (JP2:OpenJPEG) GCC4.8.4",
    "DerivedVendorReportedEchoSpacing": 0.000489996,
    "Description": "Participants view short blocks of scrambled, scene or object images. The purpose of this task is to enable localization of scene and object-category selective visual cortex. These image types are labeled in the Type column for the events",
    "DeviceSerialNumber": "67025",
    "DwellTime": 3.1e-06,
    "EchoTime": 0.025,
    "EchoTrainLength": 32,
    "EffectiveEchoSpacing": 0.000244998,
    "FlipAngle": 90,
    "ImageOrientationPatientDICOM": [
      0.999135,
      -0.0222296,
      -0.035157,
      0.0142789,
      0.977153,
      -0.212056
    ],
    "ImageType": [
      "ORIGINAL",
      "PRIMARY",
      "M",
      "ND",
      "NORM",
      "MOSAIC"
    ],
    "ImagingFrequency": 123.225,
    "InPlanePhaseEncodingDirectionDICOM": "COL",
    "InstitutionAddress": "McClintock_3520A_Los_Angeles_SVC0e0594213b1104_CA_US_90089",
    "InstitutionName": "USC",
    "InstitutionalDepartmentName": "Department",
    "MRAcquisitionType": "2D",
    "MagneticFieldStrength": 3,
    "Manufacturer": "Siemens",
    "ManufacturersModelName": "Prisma_fit",
    "Modality": "MR",
    "ParallelReductionFactorInPlane": 2,
    "PartialFourier": 1,
    "PatientID": "15.07.16-15:46:54-DST-1.3.12.2.1107.5.2.43.67025",
    "PatientPosition": "HFS",
    "PatientSex": "M",
    "PatientWeight": 50.8024,
    "PercentPhaseFOV": 100,
    "PhaseEncodingDirection": "j-",
    "PhaseEncodingSteps": 64,
    "PhaseResolution": 1,
    "PixelBandwidth": 2520,
    "ProcedureStepDescription": "Mara_David",
    "ProtocolName": "frmi-localizer",
    "PulseSequenceDetails": "%SiemensSeq%_ep2d_pace",
    "ReceiveCoilActiveElements": "HEA;HEP",
    "ReceiveCoilName": "Head_32",
    "ReconMatrixPE": 64,
    "RepetitionTime": 2,
    "SAR": 0.132619,
    "ScanOptions": "FS",
    "ScanningSequence": "EP",
    "SequenceName": "_epfid2d1_64",
    "SequenceVariant": "SK",
    "SeriesDescription": "frmi-localizer",
    "SeriesInstanceUID": "1.3.12.2.1107.5.2.43.67025.2015071616023174020587804.0.0.0",
    "SeriesNumber": 6,
    "ShimSetting": [
      -7816,
      -10316,
      11732,
      534,
      -22,
      105,
      90,
      -1
    ],
    "SliceThickness": 3,
    "SliceTiming": [
      0,
      1.015,
      0.05,
      1.0625,
      0.0975,
      1.1125,
      0.145,
      1.16,
      0.195,
      1.2075,
      0.2425,
      1.2575,
      0.29,
      1.305,
      0.34,
      1.3525,
      0.3875,
      1.4,
      0.435,
      1.45,
      0.4825,
      1.4975,
      0.5325,
      1.545,
      0.58,
      1.595,
      0.6275,
      1.6425,
      0.6775,
      1.69,
      0.725,
      1.74,
      0.7725,
      1.7875,
      0.8225,
      1.835,
      0.87,
      1.885,
      0.9175,
      1.9325,
      0.9675
    ],
    "SoftwareVersions": "syngo_MR_D13D",
    "SpacingBetweenSlices": 3,
    "StationName": "MRC35039",
    "StudyID": "1",
    "StudyInstanceUID": "1.3.12.2.1107.5.2.43.67025.30000015071615120558400000016",
    "TaskName": "PPA/LOC functional Localizer",
    "TotalReadoutTime": 0.0154349,
    "TxRefAmp": 233.017,
    "dataset": "ds002011",
    "modality": "bold",
    "subject_id": "03",
    "task_id": "ppalocalizer"
  },
  "dummy_trs": 0,
  "dvars_nstd": 25.956897594338635,
  "dvars_std": 1.0485678240740737,
  "dvars_vstd": 0.9557915906349207,
  "efc": 0.570078032432038,
  "fber": 2379.06591796875,
  "fd_mean": 0.15211025329698658,
  "fd_num": 44,
  "fd_perc": 23.157894736842106,
  "fwhm_avg": 1.5559677777777778,
  "fwhm_x": 1.445,
  "fwhm_y": 1.6615366666666667,
  "fwhm_z": 1.5613666666666666,
  "gcor": 0.0981232,
  "gsr_x": 1.1891950634890236e-05,
  "gsr_y": 0.037648819386959076,
  "provenance": {
    "md5sum": "e7014440f8bf878fbd4d989bf0f163a0",
    "settings": {
      "fd_thres": 0.2,
      "testing": false
    },
    "software": "mriqc",
    "version": "22.0.6",
    "webapi_port": null,
    "webapi_url": "https://mriqc.nimh.nih.gov/api/v1"
  },
  "size_t": 190,
  "size_x": 64,
  "size_y": 64,
  "size_z": 41,
  "snr": 9.013222410382694,
  "spacing_tr": 2.0,
  "spacing_x": 3.0,
  "spacing_y": 3.0,
  "spacing_z": 3.0,
  "summary_bg_k": 20.520035893882714,
  "summary_bg_mad": 4.486823061498397,
  "summary_bg_mean": 19.55730438232422,
  "summary_bg_median": 7.394737243652344,
  "summary_bg_n": 92085.0,
  "summary_bg_p05": 3.6421053409576416,
  "summary_bg_p95": 79.13158416748047,
  "summary_bg_stdv": 32.243499755859375,
  "summary_fg_k": 2.8744325873824046,
  "summary_fg_mad": 38.46960931606624,
  "summary_fg_mean": 368.3564453125,
  "summary_fg_median": 366.726318359375,
  "summary_fg_n": 39450.0,
  "summary_fg_p05": 309.75211334228516,
  "summary_fg_p95": 433.6102783203123,
  "summary_fg_stdv": 40.687076568603516,
  "tsnr": 44.48364692681935
}